RESTRICTION: == net8.0
NUGET
  remote: https://api.nuget.org/v3/index.json
    Amazon.Lambda.Core (2.2) - copy_content_to_output_dir: always
    Asp.Versioning.Abstractions (8.0)
      Microsoft.Extensions.Primitives (>= 8.0)
    Asp.Versioning.Http (8.0)
      Asp.Versioning.Abstractions (>= 8.0)
    Asp.Versioning.Mvc (8.0)
      Asp.Versioning.Http (>= 8.0)
    Asp.Versioning.Mvc.ApiExplorer (8.0)
      Asp.Versioning.Mvc (>= 8.0)
    AspNetCore.HealthChecks.SqlServer (8.0) - copy_content_to_output_dir: always
      Microsoft.Data.SqlClient (>= 5.1.1)
      Microsoft.Extensions.Diagnostics.HealthChecks (>= 8.0)
    Autofac (8.0)
      System.Diagnostics.DiagnosticSource (>= 7.0.2)
    Autofac.Extensions.DependencyInjection (9.0)
      Autofac (>= 8.0)
      Microsoft.Extensions.DependencyInjection.Abstractions (>= 8.0)
    AWSSDK.Core (3.7.303.1)
    AWSSDK.DynamoDBv2 (3.7.302.2) - copy_content_to_output_dir: always
      AWSSDK.Core (>= 3.7.303.1 < 4.0)
    AWSSDK.S3 (3.7.307)
      AWSSDK.Core (>= 3.7.302.20 < 4.0)
    AWSSDK.SQS (3.7.300.61) - copy_content_to_output_dir: always
      AWSSDK.Core (>= 3.7.303.1 < 4.0)
    Azure.Core (1.38)
      Microsoft.Bcl.AsyncInterfaces (>= 1.1.1)
      System.ClientModel (>= 1.0)
      System.Diagnostics.DiagnosticSource (>= 6.0.1)
      System.Memory.Data (>= 1.0.2)
      System.Numerics.Vectors (>= 4.5)
      System.Text.Encodings.Web (>= 4.7.2)
      System.Text.Json (>= 4.7.2)
      System.Threading.Tasks.Extensions (>= 4.5.4)
    Azure.Identity (1.10.4)
      Azure.Core (>= 1.36)
      Microsoft.Identity.Client (>= 4.56)
      Microsoft.Identity.Client.Extensions.Msal (>= 4.56)
      System.Memory (>= 4.5.4)
      System.Security.Cryptography.ProtectedData (>= 4.7)
      System.Text.Json (>= 4.7.2)
      System.Threading.Tasks.Extensions (>= 4.5.4)
    Be.Vlaanderen.Basisregisters.AddressRegistry.Api.BackOffice.Abstractions (4.17) - copy_content_to_output_dir: always
      Be.Vlaanderen.Basisregisters.Api (>= 23.1)
      MediatR.Contracts (>= 2.0.1)
    Be.Vlaanderen.Basisregisters.AddressRegistry.Api.Oslo (4.17) - copy_content_to_output_dir: always
      Be.Vlaanderen.Basisregisters.GrAr.Legacy (>= 21.14.1)
      MediatR.Contracts (>= 2.0.1)
    Be.Vlaanderen.Basisregisters.AggregateSource (9.0.1)
      Be.Vlaanderen.Basisregisters.Utilities.HashCodeCalculator (>= 4.0)
      Be.Vlaanderen.Basisregisters.Utilities.HexByteConvertor (>= 4.0)
      Be.Vlaanderen.Basisregisters.Utilities.ToStringBuilder (>= 4.0)
      Newtonsoft.Json (>= 13.0.3)
      NodaTime (>= 3.1.11)
    Be.Vlaanderen.Basisregisters.AggregateSource.ExplicitRouting (9.0.1)
      Be.Vlaanderen.Basisregisters.AggregateSource (9.0.1)
    Be.Vlaanderen.Basisregisters.AggregateSource.SqlStreamStore (9.0.1)
      Be.Vlaanderen.Basisregisters.AggregateSource (9.0.1)
      Be.Vlaanderen.Basisregisters.EventHandling (>= 5.0)
      SqlStreamStore (>= 1.2)
    Be.Vlaanderen.Basisregisters.Api (23.1)
      Asp.Versioning.Mvc.ApiExplorer (>= 8.0)
      Autofac (>= 8.0)
      Autofac.Extensions.DependencyInjection (>= 9.0)
      Be.Vlaanderen.Basisregisters.AggregateSource (>= 9.0.1)
      Be.Vlaanderen.Basisregisters.AggregateSource.SqlStreamStore (>= 9.0.1)
      Be.Vlaanderen.Basisregisters.AspNetCore.Mvc.Formatters.Json (>= 5.0)
      Be.Vlaanderen.Basisregisters.AspNetCore.Mvc.Logging (>= 4.0.1)
      Be.Vlaanderen.Basisregisters.AspNetCore.Mvc.Middleware.AddCorrelationId (>= 4.0)
      Be.Vlaanderen.Basisregisters.AspNetCore.Mvc.Middleware.AddCorrelationIdToLogContext (>= 4.0)
      Be.Vlaanderen.Basisregisters.AspNetCore.Mvc.Middleware.AddCorrelationIdToResponse (>= 4.0)
      Be.Vlaanderen.Basisregisters.AspNetCore.Mvc.Middleware.AddHttpSecurityHeaders (>= 4.0)
      Be.Vlaanderen.Basisregisters.AspNetCore.Mvc.Middleware.AddRemoteIpAddress (>= 4.0)
      Be.Vlaanderen.Basisregisters.AspNetCore.Mvc.Middleware.AddVersionHeader (>= 4.0)
      Be.Vlaanderen.Basisregisters.AspNetCore.Mvc.Middleware.DefaultResponseCompressionQuality (>= 4.0)
      Be.Vlaanderen.Basisregisters.AspNetCore.Mvc.Middleware.EnableRequestRewind (>= 4.0)
      Be.Vlaanderen.Basisregisters.AspNetCore.Mvc.ModelBinding.GuidHeader (>= 4.0)
      Be.Vlaanderen.Basisregisters.AspNetCore.Swagger (>= 5.0)
      Be.Vlaanderen.Basisregisters.AspNetCore.Swagger.ReDoc (>= 5.0)
      Be.Vlaanderen.Basisregisters.Aws.DistributedMutex (>= 4.0.1)
      Be.Vlaanderen.Basisregisters.EventHandling.Autofac (>= 5.0)
      Be.Vlaanderen.Basisregisters.Generators.Guid.Deterministic (>= 4.0)
      Be.Vlaanderen.Basisregisters.Middleware.AddProblemJsonHeader (>= 3.0)
      Be.Vlaanderen.Basisregisters.ProblemDetails (>= 9.0)
      FluentValidation.AspNetCore (>= 11.3)
      Microsoft.AspNetCore.Diagnostics.EntityFrameworkCore (>= 8.0.2)
      Microsoft.AspNetCore.Mvc.NewtonsoftJson (>= 8.0.2)
      Microsoft.EntityFrameworkCore (>= 8.0.2)
      Microsoft.Extensions.Configuration (>= 8.0)
      Microsoft.Extensions.Configuration.CommandLine (>= 8.0)
      Microsoft.Extensions.Configuration.EnvironmentVariables (>= 8.0)
      Microsoft.Extensions.Configuration.FileExtensions (>= 8.0)
      Microsoft.Extensions.Configuration.Json (>= 8.0)
      Microsoft.Extensions.DependencyInjection (>= 8.0)
      Microsoft.Extensions.Diagnostics.HealthChecks.EntityFrameworkCore (>= 8.0.2)
      Microsoft.Extensions.Localization (>= 8.0.2)
      Microsoft.Extensions.Options.ConfigurationExtensions (>= 8.0)
      Microsoft.SyndicationFeed.ReaderWriter (>= 1.0.2)
      Microsoft.VisualStudio.Web.BrowserLink (>= 2.2)
      Newtonsoft.Json (>= 13.0.3)
      Polly (>= 8.3.1)
      Serilog (>= 3.1.1)
      Serilog.Enrichers.Environment (>= 2.3)
      Serilog.Enrichers.Thread (>= 3.1)
      Serilog.Extensions.Logging (>= 8.0)
      Serilog.Formatting.Compact (>= 2.0)
      Serilog.Settings.Configuration (>= 8.0)
      Serilog.Sinks.Console (>= 5.0.1)
      Serilog.Sinks.File (>= 5.0)
      SqlStreamStore (>= 1.2)
      SqlStreamStore.MsSql (>= 1.2)
      System.Text.Encoding.CodePages (>= 8.0)
    Be.Vlaanderen.Basisregisters.AspNetCore.Mvc.Formatters.Json (5.0)
      Be.Vlaanderen.Basisregisters.Converters.TrimString (>= 4.0)
      Be.Vlaanderen.Basisregisters.Utilities.Rfc3339DateTimeOffset (>= 4.0)
      Newtonsoft.Json (>= 13.0.3)
      NodaTime.Serialization.JsonNet (>= 3.1)
    Be.Vlaanderen.Basisregisters.AspNetCore.Mvc.Logging (4.0.1)
      Newtonsoft.Json (>= 13.0.3)
    Be.Vlaanderen.Basisregisters.AspNetCore.Mvc.Middleware.AddCorrelationId (4.0)
    Be.Vlaanderen.Basisregisters.AspNetCore.Mvc.Middleware.AddCorrelationIdToLogContext (4.0)
      Serilog (>= 3.1.1)
    Be.Vlaanderen.Basisregisters.AspNetCore.Mvc.Middleware.AddCorrelationIdToResponse (4.0)
    Be.Vlaanderen.Basisregisters.AspNetCore.Mvc.Middleware.AddHttpSecurityHeaders (4.0)
    Be.Vlaanderen.Basisregisters.AspNetCore.Mvc.Middleware.AddRemoteIpAddress (4.0)
    Be.Vlaanderen.Basisregisters.AspNetCore.Mvc.Middleware.AddVersionHeader (4.0)
    Be.Vlaanderen.Basisregisters.AspNetCore.Mvc.Middleware.DefaultResponseCompressionQuality (4.0)
    Be.Vlaanderen.Basisregisters.AspNetCore.Mvc.Middleware.EnableRequestRewind (4.0)
    Be.Vlaanderen.Basisregisters.AspNetCore.Mvc.ModelBinding.GuidHeader (4.0)
    Be.Vlaanderen.Basisregisters.AspNetCore.Swagger (5.0)
      Asp.Versioning.Mvc.ApiExplorer (>= 8.0)
      Microsoft.Extensions.FileProviders.Embedded (>= 8.0.2)
      Microsoft.Extensions.Localization.Abstractions (>= 8.0.2)
      Microsoft.OpenApi (>= 1.6.14)
      Newtonsoft.Json (>= 13.0.3)
      NJsonSchema (>= 11.0)
      NJsonSchema.CodeGeneration.CSharp (>= 11.0)
      NJsonSchema.CodeGeneration.TypeScript (>= 11.0)
      NSwag.CodeGeneration.CSharp (>= 14.0.3)
      NSwag.CodeGeneration.TypeScript (>= 14.0.3)
      Swashbuckle.AspNetCore (6.2.3)
      Swashbuckle.AspNetCore.Annotations (6.2.3)
      Swashbuckle.AspNetCore.Filters (8.0.1)
      Swashbuckle.AspNetCore.Newtonsoft (6.2.3)
      Swashbuckle.AspNetCore.Swagger (6.2.3)
      Swashbuckle.AspNetCore.SwaggerGen (6.2.3)
      Swashbuckle.AspNetCore.SwaggerUI (6.2.3)
    Be.Vlaanderen.Basisregisters.AspNetCore.Swagger.ReDoc (5.0)
      Asp.Versioning.Mvc.ApiExplorer (>= 8.0)
      Be.Vlaanderen.Basisregisters.AspNetCore.Swagger (5.0)
      Microsoft.Extensions.FileProviders.Embedded (>= 8.0.2)
      Microsoft.Extensions.Localization.Abstractions (>= 8.0.2)
      Newtonsoft.Json (>= 13.0.3)
      NSwag.CodeGeneration.CSharp (>= 14.0.3)
      NSwag.CodeGeneration.TypeScript (>= 14.0.3)
      Swashbuckle.AspNetCore (6.2.3)
    Be.Vlaanderen.Basisregisters.Auth.AcmIdm (2.0)
      Be.Vlaanderen.Basisregisters.NisCodeService.Abstractions (>= 2.0)
      IdentityModel.AspNetCore.OAuth2Introspection (>= 6.2)
      Microsoft.AspNetCore.Authentication.JwtBearer (>= 8.0.3)
      Microsoft.Extensions.DependencyInjection (>= 8.0)
    Be.Vlaanderen.Basisregisters.Aws.DistributedMutex (4.0.1)
      AWSSDK.DynamoDBv2 (>= 3.7.301.18)
      Microsoft.Extensions.Logging (>= 8.0)
    Be.Vlaanderen.Basisregisters.Aws.DistributedS3Cache (2.0) - copy_content_to_output_dir: always
      AWSSDK.Core (>= 3.7.302.16)
      AWSSDK.S3 (>= 3.7.305.31)
      MessagePack (>= 2.5.140)
      MessagePackAnalyzer (>= 2.5.140)
      Microsoft.Extensions.Configuration.Binder (>= 8.0.1)
      Microsoft.Extensions.Configuration.Json (>= 8.0)
      Microsoft.Extensions.DependencyInjection (>= 8.0)
      Microsoft.Extensions.Logging (>= 8.0)
    Be.Vlaanderen.Basisregisters.BlobStore (4.0) - copy_content_to_output_dir: always
      AWSSDK.S3 (>= 3.7.305.30)
      Microsoft.Data.SqlClient (>= 5.2)
      System.Collections.Immutable (>= 8.0)
    Be.Vlaanderen.Basisregisters.Build.Pipeline (7.2.5)
    Be.Vlaanderen.Basisregisters.BuildingRegistry.Api.BackOffice.Abstractions (4.10.1) - copy_content_to_output_dir: always
      Be.Vlaanderen.Basisregisters.Api (>= 23.1)
      MediatR.Contracts (>= 2.0.1)
    Be.Vlaanderen.Basisregisters.BuildingRegistry.Api.Oslo (4.10.1) - copy_content_to_output_dir: always
    Be.Vlaanderen.Basisregisters.CommandHandling (9.0.1)
    Be.Vlaanderen.Basisregisters.CommandHandling.Idempotency (9.0.1)
      Be.Vlaanderen.Basisregisters.CommandHandling (9.0.1)
      Be.Vlaanderen.Basisregisters.Converters.Timestamp (>= 4.0)
      Be.Vlaanderen.Basisregisters.Utilities.HexByteConvertor (>= 4.0)
      Microsoft.Data.SqlClient (>= 5.2)
      Microsoft.EntityFrameworkCore.SqlServer (>= 8.0.2)
      Microsoft.Extensions.Configuration (>= 8.0)
      Microsoft.Extensions.Options.ConfigurationExtensions (>= 8.0)
      Newtonsoft.Json (>= 13.0.3)
    Be.Vlaanderen.Basisregisters.Converters.Timestamp (4.0)
      Newtonsoft.Json (>= 13.0.3)
    Be.Vlaanderen.Basisregisters.Converters.TrimString (4.0)
      Newtonsoft.Json (>= 13.0.3)
    Be.Vlaanderen.Basisregisters.Crab (4.0)
      Be.Vlaanderen.Basisregisters.AggregateSource (>= 9.0.1)
      Be.Vlaanderen.Basisregisters.Generators.Guid.Deterministic (>= 4.0)
      GeoJSON.Net (>= 1.2.19)
      Microsoft.Extensions.Logging.Abstractions (>= 8.0)
      NodaTime (>= 3.1.11)
    Be.Vlaanderen.Basisregisters.EventHandling (5.0)
      Be.Vlaanderen.Basisregisters.Converters.TrimString (>= 4.0)
      Newtonsoft.Json (>= 13.0.3)
      NodaTime.Serialization.JsonNet (>= 3.1)
    Be.Vlaanderen.Basisregisters.EventHandling.Autofac (5.0)
      Autofac.Extensions.DependencyInjection (>= 9.0)
      Be.Vlaanderen.Basisregisters.EventHandling (5.0)
    Be.Vlaanderen.Basisregisters.Generators.Guid.Deterministic (4.0)
    Be.Vlaanderen.Basisregisters.GrAr.Common (21.14.1)
      Be.Vlaanderen.Basisregisters.AggregateSource (>= 9.0.1)
      Be.Vlaanderen.Basisregisters.CommandHandling (>= 9.0.1)
      NetTopologySuite (>= 2.5)
      NodaTime (>= 3.1.11)
    Be.Vlaanderen.Basisregisters.GrAr.Edit (21.14.1)
      NetTopologySuite (>= 2.5)
    Be.Vlaanderen.Basisregisters.GrAr.Import (21.14.1)
      Autofac (>= 8.0)
      Be.Vlaanderen.Basisregisters.AggregateSource.SqlStreamStore (>= 9.0.1)
      Be.Vlaanderen.Basisregisters.CommandHandling (>= 9.0.1)
      Be.Vlaanderen.Basisregisters.CommandHandling.Idempotency (>= 9.0.1)
      Be.Vlaanderen.Basisregisters.Crab (>= 4.0)
      Be.Vlaanderen.Basisregisters.EventHandling (>= 5.0)
      Be.Vlaanderen.Basisregisters.Generators.Guid.Deterministic (>= 4.0)
      CommandLineParser (>= 2.9.1)
      Microsoft.Extensions.Configuration.Json (>= 8.0)
      Microsoft.Extensions.Logging (>= 8.0)
      Newtonsoft.Json (>= 13.0.3)
      Serilog (>= 3.1.1)
      Serilog.Extensions.Logging (>= 8.0)
      System.Threading.Tasks.Dataflow (>= 8.0)
    Be.Vlaanderen.Basisregisters.GrAr.Legacy (21.14.1)
      Be.Vlaanderen.Basisregisters.GrAr.Common (21.14.1)
      Be.Vlaanderen.Basisregisters.Utilities.Rfc3339DateTimeOffset (>= 4.0)
      Newtonsoft.Json (>= 13.0.3)
    Be.Vlaanderen.Basisregisters.GrAr.Provenance (21.14.1)
      Be.Vlaanderen.Basisregisters.CommandHandling (>= 9.0.1)
      Be.Vlaanderen.Basisregisters.Crab (>= 4.0)
      Be.Vlaanderen.Basisregisters.GrAr.Common (21.14.1)
      Microsoft.CSharp (>= 4.7)
    Be.Vlaanderen.Basisregisters.IntegrationDb.SuspiciousCases.Api.Abstractions (2.1) - copy_content_to_output_dir: always
      Be.Vlaanderen.Basisregisters.Api (>= 23.1)
    Be.Vlaanderen.Basisregisters.MessageHandling.AwsSqs.Simple (5.0.1) - copy_content_to_output_dir: always
      AWSSDK.Core (>= 3.7.302.15)
      AWSSDK.SQS (>= 3.7.300.54)
      Microsoft.Extensions.Logging (>= 8.0)
    Be.Vlaanderen.Basisregisters.Middleware.AddProblemJsonHeader (3.0)
    Be.Vlaanderen.Basisregisters.MunicipalityRegistry.Api.Oslo (5.2) - copy_content_to_output_dir: always
      AspNetCore.HealthChecks.SqlServer (>= 8.0)
      Be.Vlaanderen.Basisregisters.AggregateSource (>= 9.0.1)
      Be.Vlaanderen.Basisregisters.Api (>= 23.0)
      Be.Vlaanderen.Basisregisters.EventHandling.Autofac (>= 5.0)
      Be.Vlaanderen.Basisregisters.GrAr.Legacy (>= 21.0)
    Be.Vlaanderen.Basisregisters.NisCodeService.Abstractions (2.0)
      Microsoft.Extensions.DependencyInjection.Abstractions (>= 8.0.1)
      Microsoft.Extensions.Logging.Abstractions (>= 8.0.1)
    Be.Vlaanderen.Basisregisters.ParcelRegistry.Api.BackOffice.Abstractions (5.5.3) - copy_content_to_output_dir: always
      Be.Vlaanderen.Basisregisters.Api (>= 23.1)
      MediatR.Contracts (>= 2.0.1)
    Be.Vlaanderen.Basisregisters.ParcelRegistry.Api.Oslo (5.5.3) - copy_content_to_output_dir: always
      Be.Vlaanderen.Basisregisters.GrAr.Legacy (>= 21.7)
    Be.Vlaanderen.Basisregisters.PostalRegistry.Api.Oslo (5.1) - copy_content_to_output_dir: always
      AspNetCore.HealthChecks.SqlServer (>= 8.0)
      Be.Vlaanderen.Basisregisters.AggregateSource (>= 9.0.1)
      Be.Vlaanderen.Basisregisters.Api (>= 23.0)
      Be.Vlaanderen.Basisregisters.EventHandling.Autofac (>= 5.0)
      CsvHelper (>= 31.0.2)
    Be.Vlaanderen.Basisregisters.ProblemDetails (9.0)
      System.Reflection.Metadata (>= 8.0)
    Be.Vlaanderen.Basisregisters.RoadRegistry.BackOffice (4.7) - copy_content_to_output_dir: always
      Amazon.Lambda.Core (>= 2.2)
      AWSSDK.DynamoDBv2 (>= 3.7.302)
      Be.Vlaanderen.Basisregisters.AggregateSource (>= 9.0.1)
      Be.Vlaanderen.Basisregisters.Aws.DistributedS3Cache (>= 2.0)
      Be.Vlaanderen.Basisregisters.BlobStore (>= 4.0)
      Be.Vlaanderen.Basisregisters.EventHandling.Autofac (>= 5.0)
      Be.Vlaanderen.Basisregisters.Generators.Guid.Deterministic (>= 4.0)
      Be.Vlaanderen.Basisregisters.GrAr.Provenance (>= 21.14)
      Be.Vlaanderen.Basisregisters.MessageHandling.AwsSqs.Simple (>= 5.0.1)
      Be.Vlaanderen.Basisregisters.Shaperon (>= 10.0.2)
      Be.Vlaanderen.Basisregisters.Shaperon.Geometries (>= 10.0.2)
      DotSpatial.Projections (>= 4.0.656)
      FeatureToggle.Common (>= 4.0.2)
      FluentValidation (>= 11.9)
      MediatR (>= 12.2)
      MessagePack (>= 2.5.140)
      Microsoft.Extensions.Configuration (>= 8.0)
      Microsoft.Extensions.Configuration.Abstractions (>= 8.0)
      Microsoft.Extensions.Configuration.Binder (>= 8.0.1)
      Microsoft.Extensions.Logging.Abstractions (>= 8.0.1)
      Microsoft.Extensions.Logging.Console (>= 8.0)
      Microsoft.IdentityModel.Abstractions (>= 7.4.1)
      Microsoft.IdentityModel.JsonWebTokens (>= 7.4.1)
      Microsoft.IdentityModel.Logging (>= 7.4.1)
      Microsoft.IdentityModel.Tokens (>= 7.4.1)
      Microsoft.IO.RecyclableMemoryStream (>= 3.0)
      NetTopologySuite (>= 2.5)
      Polly (>= 8.3.1)
      SqlStreamStore (>= 1.2)
      System.IdentityModel.Tokens.Jwt (>= 7.4.1)
    Be.Vlaanderen.Basisregisters.RoadRegistry.BackOffice.Abstractions (4.7) - copy_content_to_output_dir: always
      Be.Vlaanderen.Basisregisters.BlobStore (>= 4.0)
      MediatR.Contracts (>= 2.0.1)
      Microsoft.Net.Http.Headers (>= 8.0.3)
    Be.Vlaanderen.Basisregisters.RoadRegistry.BackOffice.Api (4.7) - copy_content_to_output_dir: always
      AspNetCore.HealthChecks.SqlServer (>= 8.0)
      AWSSDK.Core (>= 3.7.302.20)
      Be.Vlaanderen.Basisregisters.Api (>= 23.1)
      Be.Vlaanderen.Basisregisters.Aws.DistributedMutex (>= 4.0.1)
      Be.Vlaanderen.Basisregisters.GrAr.Provenance (>= 21.14)
      Be.Vlaanderen.Basisregisters.Shaperon (>= 10.0.2)
      MediatR (>= 12.2)
      Microsoft.EntityFrameworkCore.SqlServer.NetTopologySuite (>= 8.0.3)
      Serilog.Sinks.Seq (>= 7.0)
    Be.Vlaanderen.Basisregisters.Shaperon (10.0.2) - copy_content_to_output_dir: always
    Be.Vlaanderen.Basisregisters.Shaperon.Geometries (10.0.2) - copy_content_to_output_dir: always
    Be.Vlaanderen.Basisregisters.Sqs (3.0.1)
      MediatR (>= 12.2)
    Be.Vlaanderen.Basisregisters.StreetNameRegistry.Api.BackOffice.Abstractions (4.5.1) - copy_content_to_output_dir: always
      Be.Vlaanderen.Basisregisters.Api (>= 23.1)
      MediatR.Contracts (>= 2.0.1)
    Be.Vlaanderen.Basisregisters.StreetNameRegistry.Api.Oslo (4.5.1) - copy_content_to_output_dir: always
      Be.Vlaanderen.Basisregisters.GrAr.Legacy (>= 21.0)
      MediatR.Contracts (>= 2.0.1)
    Be.Vlaanderen.Basisregisters.TicketingService.Abstractions (2.0.1)
      System.Text.Json (>= 8.0.3)
    Be.Vlaanderen.Basisregisters.Utilities.HashCodeCalculator (4.0)
    Be.Vlaanderen.Basisregisters.Utilities.HexByteConvertor (4.0)
    Be.Vlaanderen.Basisregisters.Utilities.Rfc3339DateTimeOffset (4.0)
      Newtonsoft.Json (>= 13.0.3)
    Be.Vlaanderen.Basisregisters.Utilities.ToStringBuilder (4.0)
    CommandLineParser (2.9.1)
    CsvHelper (31.0.2) - copy_content_to_output_dir: always
    Datadog.Trace (2.49)
      System.Diagnostics.DiagnosticSource (>= 4.4.1)
    Datadog.Trace.Bundle (2.49)
      Datadog.Trace (>= 2.49)
    DotSpatial.Projections (4.0.656) - copy_content_to_output_dir: always
    FeatureToggle.Common (4.0.2) - copy_content_to_output_dir: always
      NETStandard.Library (>= 1.6.1)
    FluentValidation (11.9) - copy_content_to_output_dir: always
    FluentValidation.AspNetCore (11.3)
      FluentValidation (>= 11.5.1)
      FluentValidation.DependencyInjectionExtensions (>= 11.5.1)
    FluentValidation.DependencyInjectionExtensions (11.9)
      FluentValidation (>= 11.9)
      Microsoft.Extensions.DependencyInjection.Abstractions (>= 2.1)
    Fluid.Core (2.7)
      Microsoft.Extensions.FileProviders.Abstractions (>= 1.1.1)
      Parlot (>= 0.0.24)
      TimeZoneConverter (>= 6.1)
    GeoJSON.Net (1.2.19)
      Newtonsoft.Json (>= 10.0.2)
    IdentityModel (7.0)
    IdentityModel.AspNetCore.OAuth2Introspection (6.2)
      IdentityModel (>= 6.0)
    Marvin.Cache.Headers (7.1)
      Microsoft.Extensions.Caching.Abstractions (>= 8.0)
      Microsoft.Extensions.Options (>= 8.0)
    MediatR (12.2) - copy_content_to_output_dir: always
      MediatR.Contracts (>= 2.0.1 < 3.0)
      Microsoft.Extensions.DependencyInjection.Abstractions (>= 8.0)
    MediatR.Contracts (2.0.1) - copy_content_to_output_dir: always
    MessagePack (2.5.140) - copy_content_to_output_dir: always
      MessagePack.Annotations (>= 2.5.140)
      Microsoft.NET.StringTools (>= 17.6.3)
      System.Runtime.CompilerServices.Unsafe (>= 6.0)
    MessagePack.Annotations (2.5.140) - copy_content_to_output_dir: always
    MessagePackAnalyzer (2.5.140) - copy_content_to_output_dir: always
    Microsoft.AspNetCore.Authentication.JwtBearer (8.0.3)
      Microsoft.IdentityModel.Protocols.OpenIdConnect (>= 7.1.2)
    Microsoft.AspNetCore.Diagnostics.EntityFrameworkCore (8.0.3)
      Microsoft.EntityFrameworkCore.Relational (>= 8.0.3)
    Microsoft.AspNetCore.Hosting.Abstractions (2.2)
      Microsoft.AspNetCore.Hosting.Server.Abstractions (>= 2.2)
      Microsoft.AspNetCore.Http.Abstractions (>= 2.2)
      Microsoft.Extensions.Hosting.Abstractions (>= 2.2)
    Microsoft.AspNetCore.Hosting.Server.Abstractions (2.2)
      Microsoft.AspNetCore.Http.Features (>= 2.2)
      Microsoft.Extensions.Configuration.Abstractions (>= 2.2)
    Microsoft.AspNetCore.Http.Abstractions (2.2)
      Microsoft.AspNetCore.Http.Features (>= 2.2)
      System.Text.Encodings.Web (>= 4.5)
    Microsoft.AspNetCore.Http.Extensions (2.2)
      Microsoft.AspNetCore.Http.Abstractions (>= 2.2)
      Microsoft.Extensions.FileProviders.Abstractions (>= 2.2)
      Microsoft.Net.Http.Headers (>= 2.2)
      System.Buffers (>= 4.5)
    Microsoft.AspNetCore.Http.Features (5.0.17)
      Microsoft.Extensions.Primitives (>= 5.0.1)
      System.IO.Pipelines (>= 5.0.2)
    Microsoft.AspNetCore.JsonPatch (8.0.3)
      Microsoft.CSharp (>= 4.7)
      Newtonsoft.Json (>= 13.0.3)
    Microsoft.AspNetCore.Mvc.NewtonsoftJson (8.0.3)
      Microsoft.AspNetCore.JsonPatch (>= 8.0.3)
      Newtonsoft.Json (>= 13.0.3)
      Newtonsoft.Json.Bson (>= 1.0.2)
    Microsoft.Bcl.AsyncInterfaces (8.0)
    Microsoft.CSharp (4.7)
    Microsoft.Data.SqlClient (5.2)
      Azure.Identity (>= 1.10.3)
      Microsoft.Data.SqlClient.SNI.runtime (>= 5.2)
      Microsoft.Identity.Client (>= 4.56)
      Microsoft.IdentityModel.JsonWebTokens (>= 6.35)
      Microsoft.IdentityModel.Protocols.OpenIdConnect (>= 6.35)
      Microsoft.SqlServer.Server (>= 1.0)
      System.Configuration.ConfigurationManager (>= 8.0)
      System.Runtime.Caching (>= 8.0)
    Microsoft.Data.SqlClient.SNI.runtime (5.2)
    Microsoft.EntityFrameworkCore (8.0.3)
      Microsoft.EntityFrameworkCore.Abstractions (>= 8.0.3)
      Microsoft.EntityFrameworkCore.Analyzers (>= 8.0.3)
      Microsoft.Extensions.Caching.Memory (>= 8.0)
      Microsoft.Extensions.Logging (>= 8.0)
    Microsoft.EntityFrameworkCore.Abstractions (8.0.3)
    Microsoft.EntityFrameworkCore.Analyzers (8.0.3)
    Microsoft.EntityFrameworkCore.Relational (8.0.3)
      Microsoft.EntityFrameworkCore (>= 8.0.3)
      Microsoft.Extensions.Configuration.Abstractions (>= 8.0)
    Microsoft.EntityFrameworkCore.SqlServer (8.0.3) - copy_content_to_output_dir: always
      Microsoft.Data.SqlClient (>= 5.1.5)
      Microsoft.EntityFrameworkCore.Relational (>= 8.0.3)
    Microsoft.EntityFrameworkCore.SqlServer.NetTopologySuite (8.0.3) - copy_content_to_output_dir: always
      Microsoft.EntityFrameworkCore.SqlServer (>= 8.0.3)
      NetTopologySuite (>= 2.5)
      NetTopologySuite.IO.SqlServerBytes (>= 2.1)
    Microsoft.Extensions.ApiDescription.Server (8.0.3)
    Microsoft.Extensions.Caching.Abstractions (8.0)
      Microsoft.Extensions.Primitives (>= 8.0)
    Microsoft.Extensions.Caching.Memory (8.0)
      Microsoft.Extensions.Caching.Abstractions (>= 8.0)
      Microsoft.Extensions.DependencyInjection.Abstractions (>= 8.0)
      Microsoft.Extensions.Logging.Abstractions (>= 8.0)
      Microsoft.Extensions.Options (>= 8.0)
      Microsoft.Extensions.Primitives (>= 8.0)
    Microsoft.Extensions.Configuration (8.0)
      Microsoft.Extensions.Configuration.Abstractions (>= 8.0)
      Microsoft.Extensions.Primitives (>= 8.0)
    Microsoft.Extensions.Configuration.Abstractions (8.0) - copy_content_to_output_dir: always
      Microsoft.Extensions.Primitives (>= 8.0)
    Microsoft.Extensions.Configuration.Binder (8.0.1) - copy_content_to_output_dir: always
      Microsoft.Extensions.Configuration.Abstractions (>= 8.0)
    Microsoft.Extensions.Configuration.CommandLine (8.0)
      Microsoft.Extensions.Configuration (>= 8.0)
      Microsoft.Extensions.Configuration.Abstractions (>= 8.0)
    Microsoft.Extensions.Configuration.EnvironmentVariables (8.0)
      Microsoft.Extensions.Configuration (>= 8.0)
      Microsoft.Extensions.Configuration.Abstractions (>= 8.0)
    Microsoft.Extensions.Configuration.FileExtensions (8.0)
      Microsoft.Extensions.Configuration (>= 8.0)
      Microsoft.Extensions.Configuration.Abstractions (>= 8.0)
      Microsoft.Extensions.FileProviders.Abstractions (>= 8.0)
      Microsoft.Extensions.FileProviders.Physical (>= 8.0)
      Microsoft.Extensions.Primitives (>= 8.0)
    Microsoft.Extensions.Configuration.Json (8.0)
      Microsoft.Extensions.Configuration (>= 8.0)
      Microsoft.Extensions.Configuration.Abstractions (>= 8.0)
      Microsoft.Extensions.Configuration.FileExtensions (>= 8.0)
      Microsoft.Extensions.FileProviders.Abstractions (>= 8.0)
      System.Text.Json (>= 8.0)
    Microsoft.Extensions.DependencyInjection (8.0)
      Microsoft.Extensions.DependencyInjection.Abstractions (>= 8.0)
    Microsoft.Extensions.DependencyInjection.Abstractions (8.0.1)
    Microsoft.Extensions.DependencyModel (8.0)
      System.Text.Encodings.Web (>= 8.0)
      System.Text.Json (>= 8.0)
    Microsoft.Extensions.Diagnostics.Abstractions (8.0)
      Microsoft.Extensions.DependencyInjection.Abstractions (>= 8.0)
      Microsoft.Extensions.Options (>= 8.0)
      System.Diagnostics.DiagnosticSource (>= 8.0)
    Microsoft.Extensions.Diagnostics.HealthChecks (8.0.3)
      Microsoft.Extensions.Diagnostics.HealthChecks.Abstractions (>= 8.0.3)
      Microsoft.Extensions.Hosting.Abstractions (>= 8.0)
      Microsoft.Extensions.Logging.Abstractions (>= 8.0.1)
      Microsoft.Extensions.Options (>= 8.0.2)
    Microsoft.Extensions.Diagnostics.HealthChecks.Abstractions (8.0.3)
    Microsoft.Extensions.Diagnostics.HealthChecks.EntityFrameworkCore (8.0.3)
      Microsoft.EntityFrameworkCore.Relational (>= 8.0.3)
      Microsoft.Extensions.Diagnostics.HealthChecks (>= 8.0.3)
      Microsoft.Extensions.Diagnostics.HealthChecks.Abstractions (>= 8.0.3)
    Microsoft.Extensions.FileProviders.Abstractions (8.0)
      Microsoft.Extensions.Primitives (>= 8.0)
    Microsoft.Extensions.FileProviders.Embedded (8.0.3)
      Microsoft.Extensions.FileProviders.Abstractions (>= 8.0)
    Microsoft.Extensions.FileProviders.Physical (8.0)
      Microsoft.Extensions.FileProviders.Abstractions (>= 8.0)
      Microsoft.Extensions.FileSystemGlobbing (>= 8.0)
      Microsoft.Extensions.Primitives (>= 8.0)
    Microsoft.Extensions.FileSystemGlobbing (8.0)
    Microsoft.Extensions.Hosting.Abstractions (8.0)
      Microsoft.Extensions.Configuration.Abstractions (>= 8.0)
      Microsoft.Extensions.DependencyInjection.Abstractions (>= 8.0)
      Microsoft.Extensions.Diagnostics.Abstractions (>= 8.0)
      Microsoft.Extensions.FileProviders.Abstractions (>= 8.0)
      Microsoft.Extensions.Logging.Abstractions (>= 8.0)
    Microsoft.Extensions.Localization (8.0.3)
      Microsoft.Extensions.DependencyInjection.Abstractions (>= 8.0.1)
      Microsoft.Extensions.Localization.Abstractions (>= 8.0.3)
      Microsoft.Extensions.Logging.Abstractions (>= 8.0.1)
      Microsoft.Extensions.Options (>= 8.0.2)
    Microsoft.Extensions.Localization.Abstractions (8.0.3)
    Microsoft.Extensions.Logging (8.0)
      Microsoft.Extensions.DependencyInjection (>= 8.0)
      Microsoft.Extensions.Logging.Abstractions (>= 8.0)
      Microsoft.Extensions.Options (>= 8.0)
    Microsoft.Extensions.Logging.Abstractions (8.0.1) - copy_content_to_output_dir: always
      Microsoft.Extensions.DependencyInjection.Abstractions (>= 8.0.1)
    Microsoft.Extensions.Logging.Configuration (8.0) - copy_content_to_output_dir: always
      Microsoft.Extensions.Configuration (>= 8.0)
      Microsoft.Extensions.Configuration.Abstractions (>= 8.0)
      Microsoft.Extensions.Configuration.Binder (>= 8.0)
      Microsoft.Extensions.DependencyInjection.Abstractions (>= 8.0)
      Microsoft.Extensions.Logging (>= 8.0)
      Microsoft.Extensions.Logging.Abstractions (>= 8.0)
      Microsoft.Extensions.Options (>= 8.0)
      Microsoft.Extensions.Options.ConfigurationExtensions (>= 8.0)
    Microsoft.Extensions.Logging.Console (8.0) - copy_content_to_output_dir: always
      Microsoft.Extensions.DependencyInjection.Abstractions (>= 8.0)
      Microsoft.Extensions.Logging (>= 8.0)
      Microsoft.Extensions.Logging.Abstractions (>= 8.0)
      Microsoft.Extensions.Logging.Configuration (>= 8.0)
      Microsoft.Extensions.Options (>= 8.0)
      System.Text.Json (>= 8.0)
    Microsoft.Extensions.Options (8.0.2)
      Microsoft.Extensions.DependencyInjection.Abstractions (>= 8.0)
      Microsoft.Extensions.Primitives (>= 8.0)
    Microsoft.Extensions.Options.ConfigurationExtensions (8.0)
      Microsoft.Extensions.Configuration.Abstractions (>= 8.0)
      Microsoft.Extensions.Configuration.Binder (>= 8.0)
      Microsoft.Extensions.DependencyInjection.Abstractions (>= 8.0)
      Microsoft.Extensions.Options (>= 8.0)
      Microsoft.Extensions.Primitives (>= 8.0)
    Microsoft.Extensions.Primitives (8.0) - copy_content_to_output_dir: always
    Microsoft.Identity.Client (4.59)
      Microsoft.IdentityModel.Abstractions (>= 6.22)
      System.Diagnostics.DiagnosticSource (>= 6.0.1)
    Microsoft.Identity.Client.Extensions.Msal (4.59)
      Microsoft.Identity.Client (>= 4.59)
      System.IO.FileSystem.AccessControl (>= 5.0)
      System.Security.Cryptography.ProtectedData (>= 4.5)
    Microsoft.IdentityModel.Abstractions (7.4.1) - copy_content_to_output_dir: always
    Microsoft.IdentityModel.JsonWebTokens (7.4.1) - copy_content_to_output_dir: always
      Microsoft.IdentityModel.Tokens (>= 7.4.1)
    Microsoft.IdentityModel.Logging (7.4.1) - copy_content_to_output_dir: always
      Microsoft.IdentityModel.Abstractions (>= 7.4.1)
    Microsoft.IdentityModel.Protocols (7.4.1)
      Microsoft.IdentityModel.Tokens (>= 7.4.1)
    Microsoft.IdentityModel.Protocols.OpenIdConnect (7.4.1)
      Microsoft.IdentityModel.Protocols (>= 7.4.1)
      System.IdentityModel.Tokens.Jwt (>= 7.4.1)
    Microsoft.IdentityModel.Tokens (7.4.1) - copy_content_to_output_dir: always
      Microsoft.IdentityModel.Logging (>= 7.4.1)
    Microsoft.IO.RecyclableMemoryStream (3.0) - copy_content_to_output_dir: always
    Microsoft.Net.Http.Headers (8.0.3) - copy_content_to_output_dir: always
      Microsoft.Extensions.Primitives (>= 8.0)
    Microsoft.NET.StringTools (17.9.5) - copy_content_to_output_dir: always
    Microsoft.NETCore.Platforms (7.0.4)
    Microsoft.NETCore.Targets (5.0)
    Microsoft.OpenApi (1.6.14)
    Microsoft.SqlServer.Server (1.0)
    Microsoft.SyndicationFeed.ReaderWriter (1.0.2)
      System.Globalization (>= 4.3)
      System.Linq (>= 4.3)
      System.Runtime.Extensions (>= 4.3)
      System.Xml.ReaderWriter (>= 4.3)
    Microsoft.VisualStudio.Web.BrowserLink (2.2)
      Microsoft.AspNetCore.Hosting.Abstractions (>= 2.2)
      Microsoft.AspNetCore.Http.Abstractions (>= 2.2)
      Microsoft.AspNetCore.Http.Extensions (>= 2.2)
      Microsoft.Extensions.FileProviders.Physical (>= 2.2)
    Namotion.Reflection (3.1.1)
      Microsoft.CSharp (>= 4.3)
    NETStandard.Library (2.0.3) - copy_content_to_output_dir: always
      Microsoft.NETCore.Platforms (>= 1.1)
    NetTopologySuite (2.5)
      System.Memory (>= 4.5.4)
    NetTopologySuite.IO.SqlServerBytes (2.1) - copy_content_to_output_dir: always
      NetTopologySuite (>= 2.0 < 3.0.0-A)
    Newtonsoft.Json (13.0.3)
    Newtonsoft.Json.Bson (1.0.2)
      Newtonsoft.Json (>= 12.0.1)
    NJsonSchema (11.0)
      Namotion.Reflection (>= 3.1.1)
      Newtonsoft.Json (>= 13.0.3)
      NJsonSchema.Annotations (>= 11.0)
    NJsonSchema.Annotations (11.0)
    NJsonSchema.CodeGeneration (11.0)
      Fluid.Core (>= 2.5)
      NJsonSchema (>= 11.0)
    NJsonSchema.CodeGeneration.CSharp (11.0)
      NJsonSchema.CodeGeneration (>= 11.0)
    NJsonSchema.CodeGeneration.TypeScript (11.0)
      NJsonSchema.CodeGeneration (>= 11.0)
    NodaTime (3.1.11)
      System.Runtime.CompilerServices.Unsafe (>= 4.7.1)
    NodaTime.Serialization.JsonNet (3.1)
      Newtonsoft.Json (>= 13.0.3)
      NodaTime (>= 3.0 < 4.0)
    NSwag.CodeGeneration (14.0.6)
      NJsonSchema.CodeGeneration (>= 11.0)
      NSwag.Core (>= 14.0.6)
    NSwag.CodeGeneration.CSharp (14.0.6)
      NJsonSchema.CodeGeneration.CSharp (>= 11.0)
      NSwag.CodeGeneration (>= 14.0.6)
    NSwag.CodeGeneration.TypeScript (14.0.6)
      NJsonSchema.CodeGeneration.TypeScript (>= 11.0)
      NSwag.CodeGeneration (>= 14.0.6)
    NSwag.Core (14.0.6)
      NJsonSchema (>= 11.0)
    Parlot (0.0.25)
    Pipelines.Sockets.Unofficial (2.2.8)
      System.IO.Pipelines (>= 5.0.1)
    Polly (8.3.1)
      Polly.Core (>= 8.3.1)
    Polly.Core (8.3.1)
    RestSharp (112.0)
    Scrutor (4.2.2)
      Microsoft.Extensions.DependencyInjection.Abstractions (>= 6.0)
      Microsoft.Extensions.DependencyModel (>= 6.0)
    Serilog (3.1.1)
    Serilog.Enrichers.Environment (2.3)
      Serilog (>= 2.3)
    Serilog.Enrichers.Thread (3.1)
      Serilog (>= 2.3)
    Serilog.Extensions.Logging (8.0)
      Microsoft.Extensions.Logging (>= 8.0)
      Serilog (>= 3.1.1)
    Serilog.Formatting.Compact (2.0)
      Serilog (>= 3.1)
    Serilog.Settings.Configuration (8.0)
      Microsoft.Extensions.Configuration.Binder (>= 8.0)
      Microsoft.Extensions.DependencyModel (>= 8.0)
      Serilog (>= 3.1.1)
    Serilog.Sinks.Console (5.0.1)
      Serilog (>= 3.1.1)
    Serilog.Sinks.File (5.0)
      Serilog (>= 2.10)
    Serilog.Sinks.PeriodicBatching (4.0.1) - copy_content_to_output_dir: always
      Serilog (>= 3.1.1)
      System.Threading.Channels (>= 8.0)
    Serilog.Sinks.Seq (7.0) - copy_content_to_output_dir: always
      Serilog (>= 3.1.1)
      Serilog.Sinks.File (>= 5.0)
      Serilog.Sinks.PeriodicBatching (>= 4.0)
    SourceLink.Copy.PdbFiles (2.8.3) - copy_local: true
    SourceLink.Embed.AllSourceFiles (2.8.3) - copy_local: true
    SqlStreamStore (1.2)
      Microsoft.CSharp (>= 4.7)
    SqlStreamStore.MsSql (1.2)
      Microsoft.Data.SqlClient (>= 1.1)
      SqlStreamStore (>= 1.2)
    StackExchange.Redis (2.5.43)
      Pipelines.Sockets.Unofficial (>= 2.2.2)
      System.Diagnostics.PerformanceCounter (>= 5.0)
    Swashbuckle.AspNetCore (6.2.3)
      Microsoft.Extensions.ApiDescription.Server (>= 3.0)
      Swashbuckle.AspNetCore.Swagger (>= 6.2.3)
      Swashbuckle.AspNetCore.SwaggerGen (>= 6.2.3)
      Swashbuckle.AspNetCore.SwaggerUI (>= 6.2.3)
    Swashbuckle.AspNetCore.Annotations (6.2.3)
      Swashbuckle.AspNetCore.SwaggerGen (>= 6.2.3)
    Swashbuckle.AspNetCore.Filters (8.0.1)
      Microsoft.Extensions.DependencyInjection (>= 2.1)
      Microsoft.OpenApi (>= 1.3.1)
      Scrutor (>= 3.3)
      Swashbuckle.AspNetCore.Filters.Abstractions (>= 8.0.1)
      Swashbuckle.AspNetCore.SwaggerGen (>= 5.0)
    Swashbuckle.AspNetCore.Filters.Abstractions (8.0.1)
    Swashbuckle.AspNetCore.Newtonsoft (6.2.3)
      Microsoft.AspNetCore.Mvc.NewtonsoftJson (>= 6.0.0-rc.1.21452.15)
      Swashbuckle.AspNetCore.SwaggerGen (>= 6.2.3)
    Swashbuckle.AspNetCore.Swagger (6.2.3)
      Microsoft.OpenApi (>= 1.2.3)
    Swashbuckle.AspNetCore.SwaggerGen (6.2.3)
      Swashbuckle.AspNetCore.Swagger (>= 6.2.3)
    Swashbuckle.AspNetCore.SwaggerUI (6.2.3)
    System.Buffers (4.5.1)
    System.ClientModel (1.0)
      System.Memory.Data (>= 1.0.2)
      System.Text.Json (>= 4.7.2)
    System.Collections (4.3)
      Microsoft.NETCore.Platforms (>= 1.1)
      Microsoft.NETCore.Targets (>= 1.1)
      System.Runtime (>= 4.3)
    System.Collections.Immutable (8.0)
    System.Configuration.ConfigurationManager (8.0)
      System.Diagnostics.EventLog (>= 8.0)
      System.Security.Cryptography.ProtectedData (>= 8.0)
    System.Diagnostics.Debug (4.3)
      Microsoft.NETCore.Platforms (>= 1.1)
      Microsoft.NETCore.Targets (>= 1.1)
      System.Runtime (>= 4.3)
    System.Diagnostics.DiagnosticSource (8.0)
    System.Diagnostics.EventLog (8.0)
    System.Diagnostics.PerformanceCounter (8.0)
      System.Configuration.ConfigurationManager (>= 8.0)
    System.Globalization (4.3)
      Microsoft.NETCore.Platforms (>= 1.1)
      Microsoft.NETCore.Targets (>= 1.1)
      System.Runtime (>= 4.3)
    System.IdentityModel.Tokens.Jwt (7.4.1) - copy_content_to_output_dir: always
      Microsoft.IdentityModel.JsonWebTokens (>= 7.4.1)
      Microsoft.IdentityModel.Tokens (>= 7.4.1)
    System.IO (4.3)
      Microsoft.NETCore.Platforms (>= 1.1)
      Microsoft.NETCore.Targets (>= 1.1)
      System.Runtime (>= 4.3)
      System.Text.Encoding (>= 4.3)
      System.Threading.Tasks (>= 4.3)
    System.IO.FileSystem (4.3)
      Microsoft.NETCore.Platforms (>= 1.1)
      Microsoft.NETCore.Targets (>= 1.1)
      System.IO (>= 4.3)
      System.IO.FileSystem.Primitives (>= 4.3)
      System.Runtime (>= 4.3)
      System.Runtime.Handles (>= 4.3)
      System.Text.Encoding (>= 4.3)
      System.Threading.Tasks (>= 4.3)
    System.IO.FileSystem.AccessControl (5.0)
      System.Security.AccessControl (>= 5.0)
      System.Security.Principal.Windows (>= 5.0)
    System.IO.FileSystem.Primitives (4.3)
      System.Runtime (>= 4.3)
    System.IO.Pipelines (8.0)
    System.Linq (4.3)
      System.Collections (>= 4.3)
      System.Diagnostics.Debug (>= 4.3)
      System.Resources.ResourceManager (>= 4.3)
      System.Runtime (>= 4.3)
      System.Runtime.Extensions (>= 4.3)
    System.Memory (4.5.5)
    System.Memory.Data (8.0)
      System.Text.Json (>= 8.0)
    System.Numerics.Vectors (4.5)
    System.Reflection (4.3)
      Microsoft.NETCore.Platforms (>= 1.1)
      Microsoft.NETCore.Targets (>= 1.1)
      System.IO (>= 4.3)
      System.Reflection.Primitives (>= 4.3)
      System.Runtime (>= 4.3)
    System.Reflection.Metadata (8.0)
      System.Collections.Immutable (>= 8.0)
    System.Reflection.Primitives (4.3)
      Microsoft.NETCore.Platforms (>= 1.1)
      Microsoft.NETCore.Targets (>= 1.1)
      System.Runtime (>= 4.3)
    System.Resources.ResourceManager (4.3)
      Microsoft.NETCore.Platforms (>= 1.1)
      Microsoft.NETCore.Targets (>= 1.1)
      System.Globalization (>= 4.3)
      System.Reflection (>= 4.3)
      System.Runtime (>= 4.3)
    System.Runtime (4.3.1)
      Microsoft.NETCore.Platforms (>= 1.1.1)
      Microsoft.NETCore.Targets (>= 1.1.3)
    System.Runtime.Caching (8.0)
      System.Configuration.ConfigurationManager (>= 8.0)
    System.Runtime.CompilerServices.Unsafe (6.0) - copy_content_to_output_dir: always
    System.Runtime.Extensions (4.3.1)
      Microsoft.NETCore.Platforms (>= 1.1.1)
      Microsoft.NETCore.Targets (>= 1.1.3)
      System.Runtime (>= 4.3.1)
    System.Runtime.Handles (4.3)
      Microsoft.NETCore.Platforms (>= 1.1)
      Microsoft.NETCore.Targets (>= 1.1)
      System.Runtime (>= 4.3)
    System.Runtime.InteropServices (4.3)
      Microsoft.NETCore.Platforms (>= 1.1)
      Microsoft.NETCore.Targets (>= 1.1)
      System.Reflection (>= 4.3)
      System.Reflection.Primitives (>= 4.3)
      System.Runtime (>= 4.3)
      System.Runtime.Handles (>= 4.3)
    System.Security.AccessControl (6.0)
    System.Security.Cryptography.ProtectedData (8.0)
    System.Security.Principal.Windows (5.0)
    System.Text.Encoding (4.3)
      Microsoft.NETCore.Platforms (>= 1.1)
      Microsoft.NETCore.Targets (>= 1.1)
      System.Runtime (>= 4.3)
    System.Text.Encoding.CodePages (8.0)
    System.Text.Encoding.Extensions (4.3)
      Microsoft.NETCore.Platforms (>= 1.1)
      Microsoft.NETCore.Targets (>= 1.1)
      System.Runtime (>= 4.3)
      System.Text.Encoding (>= 4.3)
    System.Text.Encodings.Web (8.0)
    System.Text.Json (8.0.3)
      System.Text.Encodings.Web (>= 8.0)
    System.Text.RegularExpressions (4.3.1)
      System.Runtime (>= 4.3.1)
    System.Threading.Channels (8.0) - copy_content_to_output_dir: always
    System.Threading.Tasks (4.3)
      Microsoft.NETCore.Platforms (>= 1.1)
      Microsoft.NETCore.Targets (>= 1.1)
      System.Runtime (>= 4.3)
    System.Threading.Tasks.Dataflow (8.0)
    System.Threading.Tasks.Extensions (4.5.4)
    System.Xml.ReaderWriter (4.3.1)
      System.Collections (>= 4.3)
      System.Diagnostics.Debug (>= 4.3)
      System.Globalization (>= 4.3)
      System.IO (>= 4.3)
      System.IO.FileSystem (>= 4.3)
      System.IO.FileSystem.Primitives (>= 4.3)
      System.Resources.ResourceManager (>= 4.3)
      System.Runtime (>= 4.3)
      System.Runtime.Extensions (>= 4.3)
      System.Runtime.InteropServices (>= 4.3)
      System.Text.Encoding (>= 4.3)
      System.Text.Encoding.Extensions (>= 4.3)
      System.Text.RegularExpressions (>= 4.3)
      System.Threading.Tasks (>= 4.3)
      System.Threading.Tasks.Extensions (>= 4.3)
    TimeZoneConverter (6.1)
