RESTRICTION: == net6.0
NUGET
  remote: https://api.nuget.org/v3/index.json
    Amazon.Lambda.Core (2.1) - copy_content_to_output_dir: always
    AspNetCore.HealthChecks.SqlServer (6.0.2) - copy_content_to_output_dir: always
      Microsoft.Data.SqlClient (>= 3.0.1)
      Microsoft.Extensions.Diagnostics.HealthChecks (>= 6.0)
    Autofac (6.4)
      System.Diagnostics.DiagnosticSource (>= 4.7.1)
    Autofac.Extensions.DependencyInjection (8.0)
      Autofac (>= 6.4)
      Microsoft.Extensions.DependencyInjection.Abstractions (>= 6.0)
    AutoFixture (4.17)
      Fare (>= 2.1.1 < 3.0)
      System.ComponentModel.Annotations (>= 4.3)
    AutoFixture.Xunit2 (4.17)
      AutoFixture (>= 4.17)
      xunit.extensibility.core (>= 2.2 < 3.0)
    AWSSDK.Core (3.7.105.13)
    AWSSDK.DynamoDBv2 (3.7.101.55) - copy_content_to_output_dir: always
      AWSSDK.Core (>= 3.7.105.13 < 4.0)
    AWSSDK.S3 (3.7.100)
      AWSSDK.Core (>= 3.7.100 < 4.0)
    AWSSDK.SQS (3.7.100.84) - copy_content_to_output_dir: always
      AWSSDK.Core (>= 3.7.105.13 < 4.0)
    Azure.Core (1.25) - copy_content_to_output_dir: always
      Microsoft.Bcl.AsyncInterfaces (>= 1.1.1)
      System.Diagnostics.DiagnosticSource (>= 4.6)
      System.Memory.Data (>= 1.0.2)
      System.Numerics.Vectors (>= 4.5)
      System.Text.Encodings.Web (>= 4.7.2)
      System.Text.Json (>= 4.7.2)
      System.Threading.Tasks.Extensions (>= 4.5.4)
    Azure.Identity (1.6) - copy_content_to_output_dir: always
      Azure.Core (>= 1.24)
      Microsoft.Identity.Client (>= 4.39)
      Microsoft.Identity.Client.Extensions.Msal (>= 2.19.3)
      System.Memory (>= 4.5.4)
      System.Security.Cryptography.ProtectedData (>= 4.7)
      System.Text.Json (>= 4.7.2)
      System.Threading.Tasks.Extensions (>= 4.5.4)
    Be.Vlaanderen.Basisregisters.AddressRegistry.Api.BackOffice.Abstractions (3.95.3) - copy_content_to_output_dir: always
      Be.Vlaanderen.Basisregisters.Api (>= 20.0)
      MediatR.Contracts (>= 2.0.1)
    Be.Vlaanderen.Basisregisters.AddressRegistry.Api.Legacy (3.95.3) - copy_content_to_output_dir: always
      Be.Vlaanderen.Basisregisters.GrAr.Legacy (>= 18.9.7)
      MediatR.Contracts (>= 2.0.1)
    Be.Vlaanderen.Basisregisters.AddressRegistry.Api.Oslo (3.95.3) - copy_content_to_output_dir: always
      Be.Vlaanderen.Basisregisters.GrAr.Legacy (>= 18.9.7)
      MediatR.Contracts (>= 2.0.1)
    Be.Vlaanderen.Basisregisters.AggregateSource (8.0)
      Be.Vlaanderen.Basisregisters.Utilities.HashCodeCalculator (>= 3.0)
      Be.Vlaanderen.Basisregisters.Utilities.HexByteConvertor (>= 3.0)
      Be.Vlaanderen.Basisregisters.Utilities.ToStringBuilder (>= 3.0)
      Newtonsoft.Json (>= 13.0.1)
      NodaTime (>= 3.0.10)
    Be.Vlaanderen.Basisregisters.AggregateSource.ExplicitRouting (8.0)
      Be.Vlaanderen.Basisregisters.AggregateSource (8.0)
    Be.Vlaanderen.Basisregisters.AggregateSource.SqlStreamStore (8.0)
      Be.Vlaanderen.Basisregisters.AggregateSource (8.0)
      Be.Vlaanderen.Basisregisters.EventHandling (>= 4.2.3)
      SqlStreamStore (>= 1.2)
    Be.Vlaanderen.Basisregisters.Api (20.0.1)
      Autofac (>= 6.3)
      Autofac.Extensions.DependencyInjection (>= 7.2)
      Be.Vlaanderen.Basisregisters.AggregateSource (>= 7.1.4)
      Be.Vlaanderen.Basisregisters.AggregateSource.SqlStreamStore (>= 7.1.4)
      Be.Vlaanderen.Basisregisters.AspNetCore.Mvc.Formatters.Json (>= 4.0)
      Be.Vlaanderen.Basisregisters.AspNetCore.Mvc.Logging (>= 3.0)
      Be.Vlaanderen.Basisregisters.AspNetCore.Mvc.Middleware.AddCorrelationId (>= 3.0)
      Be.Vlaanderen.Basisregisters.AspNetCore.Mvc.Middleware.AddCorrelationIdToLogContext (>= 3.0)
      Be.Vlaanderen.Basisregisters.AspNetCore.Mvc.Middleware.AddCorrelationIdToResponse (>= 3.0)
      Be.Vlaanderen.Basisregisters.AspNetCore.Mvc.Middleware.AddHttpSecurityHeaders (>= 3.0)
      Be.Vlaanderen.Basisregisters.AspNetCore.Mvc.Middleware.AddRemoteIpAddress (>= 3.0)
      Be.Vlaanderen.Basisregisters.AspNetCore.Mvc.Middleware.AddVersionHeader (>= 3.0)
      Be.Vlaanderen.Basisregisters.AspNetCore.Mvc.Middleware.DefaultResponseCompressionQuality (>= 3.0)
      Be.Vlaanderen.Basisregisters.AspNetCore.Mvc.Middleware.EnableRequestRewind (>= 3.0)
      Be.Vlaanderen.Basisregisters.AspNetCore.Mvc.ModelBinding.GuidHeader (>= 3.0)
      Be.Vlaanderen.Basisregisters.AspNetCore.Swagger (>= 4.0.2)
      Be.Vlaanderen.Basisregisters.AspNetCore.Swagger.ReDoc (>= 4.0.2)
      Be.Vlaanderen.Basisregisters.Aws.DistributedMutex (>= 3.0)
      Be.Vlaanderen.Basisregisters.DataDog.Tracing (>= 5.0.3)
      Be.Vlaanderen.Basisregisters.DataDog.Tracing.AspNetCore (>= 5.0.3)
      Be.Vlaanderen.Basisregisters.DataDog.Tracing.Microsoft (>= 5.0.3)
      Be.Vlaanderen.Basisregisters.DataDog.Tracing.Sql (>= 5.0.3)
      Be.Vlaanderen.Basisregisters.DataDog.Tracing.SqlStreamStore (>= 5.0.3)
      Be.Vlaanderen.Basisregisters.EventHandling.Autofac (>= 4.2.3)
      Be.Vlaanderen.Basisregisters.Generators.Guid.Deterministic (>= 3.0.1)
      Be.Vlaanderen.Basisregisters.Middleware.AddProblemJsonHeader (>= 2.0)
      Be.Vlaanderen.Basisregisters.ProblemDetails (>= 8.0.1)
      FluentValidation.AspNetCore (>= 10.4)
      Microsoft.AspNetCore.Diagnostics.EntityFrameworkCore (>= 6.0.3)
      Microsoft.AspNetCore.Mvc.NewtonsoftJson (>= 6.0.3)
      Microsoft.AspNetCore.Mvc.Versioning.ApiExplorer (>= 5.0)
      Microsoft.EntityFrameworkCore (>= 6.0.3)
      Microsoft.Extensions.Configuration (>= 6.0.1)
      Microsoft.Extensions.Configuration.CommandLine (>= 6.0)
      Microsoft.Extensions.Configuration.EnvironmentVariables (>= 6.0.1)
      Microsoft.Extensions.Configuration.FileExtensions (>= 6.0)
      Microsoft.Extensions.Configuration.Json (>= 6.0)
      Microsoft.Extensions.DependencyInjection (>= 6.0)
      Microsoft.Extensions.Diagnostics.HealthChecks.EntityFrameworkCore (>= 6.0.3)
      Microsoft.Extensions.Localization (>= 6.0.3)
      Microsoft.Extensions.Options.ConfigurationExtensions (>= 6.0)
      Microsoft.SyndicationFeed.ReaderWriter (>= 1.0.2)
      Microsoft.VisualStudio.Web.BrowserLink (>= 2.2)
      Newtonsoft.Json (>= 13.0.1)
      Polly (>= 7.2.3)
      Serilog (>= 2.10)
      Serilog.Enrichers.Environment (>= 2.2)
      Serilog.Enrichers.Thread (>= 3.1)
      Serilog.Extensions.Logging (>= 3.1)
      Serilog.Formatting.Compact (>= 1.1)
      Serilog.Settings.Configuration (>= 3.3)
      Serilog.Sinks.Console (>= 4.0.1)
      Serilog.Sinks.File (>= 5.0)
      SqlStreamStore (>= 1.2)
      SqlStreamStore.MsSql (>= 1.2)
      System.Text.Encoding.CodePages (>= 6.0)
    Be.Vlaanderen.Basisregisters.AspNetCore.Mvc.Formatters.Json (4.0)
      Be.Vlaanderen.Basisregisters.Converters.TrimString (>= 3.0)
      Be.Vlaanderen.Basisregisters.Utilities.Rfc3339DateTimeOffset (>= 3.0)
      Newtonsoft.Json (>= 13.0.1)
      NodaTime.Serialization.JsonNet (>= 3.0)
    Be.Vlaanderen.Basisregisters.AspNetCore.Mvc.Logging (3.0)
      Newtonsoft.Json (>= 13.0.1)
    Be.Vlaanderen.Basisregisters.AspNetCore.Mvc.Middleware.AddCorrelationId (3.0)
    Be.Vlaanderen.Basisregisters.AspNetCore.Mvc.Middleware.AddCorrelationIdToLogContext (3.0)
      Serilog (>= 2.10)
    Be.Vlaanderen.Basisregisters.AspNetCore.Mvc.Middleware.AddCorrelationIdToResponse (3.0)
    Be.Vlaanderen.Basisregisters.AspNetCore.Mvc.Middleware.AddHttpSecurityHeaders (3.0)
    Be.Vlaanderen.Basisregisters.AspNetCore.Mvc.Middleware.AddRemoteIpAddress (3.0)
    Be.Vlaanderen.Basisregisters.AspNetCore.Mvc.Middleware.AddVersionHeader (3.0)
    Be.Vlaanderen.Basisregisters.AspNetCore.Mvc.Middleware.DefaultResponseCompressionQuality (3.0)
    Be.Vlaanderen.Basisregisters.AspNetCore.Mvc.Middleware.EnableRequestRewind (3.0)
    Be.Vlaanderen.Basisregisters.AspNetCore.Mvc.ModelBinding.GuidHeader (3.0)
    Be.Vlaanderen.Basisregisters.AspNetCore.Swagger (4.0.2)
      Microsoft.AspNetCore.Mvc.Versioning.ApiExplorer (>= 5.0)
      Microsoft.Extensions.FileProviders.Embedded (>= 6.0.3)
      Microsoft.Extensions.Localization.Abstractions (>= 6.0.3)
      Microsoft.OpenApi (>= 1.2.3)
      Newtonsoft.Json (>= 13.0.1)
      NJsonSchema (>= 10.6.10)
      NJsonSchema.CodeGeneration.CSharp (>= 10.6.10)
      NJsonSchema.CodeGeneration.TypeScript (>= 10.6.10)
      NSwag.CodeGeneration.CSharp (>= 13.15.10)
      NSwag.CodeGeneration.TypeScript (>= 13.15.10)
      Swashbuckle.AspNetCore (6.2.3)
      Swashbuckle.AspNetCore.Annotations (6.2.3)
      Swashbuckle.AspNetCore.Filters (6.0.1)
      Swashbuckle.AspNetCore.Newtonsoft (6.2.3)
      Swashbuckle.AspNetCore.Swagger (6.2.3)
      Swashbuckle.AspNetCore.SwaggerGen (6.2.3)
      Swashbuckle.AspNetCore.SwaggerUI (6.2.3)
    Be.Vlaanderen.Basisregisters.AspNetCore.Swagger.ReDoc (4.0.2)
      Be.Vlaanderen.Basisregisters.AspNetCore.Swagger (4.0.2)
      Microsoft.AspNetCore.Mvc.Versioning.ApiExplorer (>= 5.0)
      Microsoft.Extensions.FileProviders.Embedded (>= 6.0.3)
      Microsoft.Extensions.Localization.Abstractions (>= 6.0.3)
      Newtonsoft.Json (>= 13.0.1)
      NSwag.CodeGeneration.CSharp (>= 13.15.10)
      NSwag.CodeGeneration.TypeScript (>= 13.15.10)
      Swashbuckle.AspNetCore (6.2.3)
    Be.Vlaanderen.Basisregisters.Aws.DistributedMutex (3.0.2) - copy_content_to_output_dir: always
      AWSSDK.DynamoDBv2 (>= 3.7.3.14)
      Microsoft.Extensions.Logging (>= 6.0)
    Be.Vlaanderen.Basisregisters.Aws.DistributedS3Cache (1.0.5) - copy_content_to_output_dir: always
      AWSSDK.Core (>= 3.7.100)
      AWSSDK.S3 (>= 3.7.100)
      Microsoft.Extensions.Logging (>= 6.0)
    Be.Vlaanderen.Basisregisters.BlobStore (3.0) - copy_content_to_output_dir: always
      AWSSDK.S3 (>= 3.7.8.14)
      Microsoft.Data.SqlClient (>= 4.1)
      System.Collections.Immutable (>= 6.0)
    Be.Vlaanderen.Basisregisters.Build.Pipeline (6.0.5)
      Fake.Core.Environment (>= 5.22)
      Fake.Core.Process (>= 5.22)
      Fake.Core.Target (>= 5.22)
      Fake.DotNet.AssemblyInfoFile (>= 5.22)
      Fake.DotNet.Cli (>= 5.22)
      Fake.DotNet.Paket (>= 5.22)
      Fake.IO.FileSystem (>= 5.22)
      Fake.JavaScript.Npm (>= 5.22)
      Newtonsoft.Json (>= 13.0.1)
    Be.Vlaanderen.Basisregisters.BuildingRegistry.Api.BackOffice.Abstractions (3.73) - copy_content_to_output_dir: always
      Be.Vlaanderen.Basisregisters.Api (>= 20.0)
      MediatR.Contracts (>= 2.0.1)
    Be.Vlaanderen.Basisregisters.BuildingRegistry.Api.Legacy (3.73) - copy_content_to_output_dir: always
    Be.Vlaanderen.Basisregisters.BuildingRegistry.Api.Oslo (3.73) - copy_content_to_output_dir: always
    Be.Vlaanderen.Basisregisters.CommandHandling (8.0)
    Be.Vlaanderen.Basisregisters.CommandHandling.Idempotency (8.0)
      Be.Vlaanderen.Basisregisters.Converters.Timestamp (>= 3.0)
      Microsoft.Data.SqlClient (>= 4.1)
      Microsoft.EntityFrameworkCore.SqlServer (>= 6.0.3)
      Microsoft.Extensions.Configuration (>= 6.0.1)
      Microsoft.Extensions.Options.ConfigurationExtensions (>= 6.0)
      Newtonsoft.Json (>= 13.0.1)
    Be.Vlaanderen.Basisregisters.Converters.Timestamp (3.0)
      Newtonsoft.Json (>= 13.0.1)
    Be.Vlaanderen.Basisregisters.Converters.TrimString (3.0)
      Newtonsoft.Json (>= 13.0.1)
    Be.Vlaanderen.Basisregisters.Crab (3.0)
      Be.Vlaanderen.Basisregisters.AggregateSource (>= 6.0)
      Be.Vlaanderen.Basisregisters.Generators.Guid.Deterministic (>= 3.0.1)
      GeoJSON.Net (>= 1.2.19)
      Microsoft.Extensions.Logging.Abstractions (>= 6.0.1)
      NodaTime (>= 3.0.10)
    Be.Vlaanderen.Basisregisters.DataDog.Tracing (5.0.3)
      Microsoft.Extensions.Logging.Abstractions (>= 6.0.1)
      Newtonsoft.Json (>= 13.0.1)
      System.Reactive (>= 5.0)
      System.Reflection (>= 4.3)
      System.Threading.Tasks.Dataflow (>= 6.0)
    Be.Vlaanderen.Basisregisters.DataDog.Tracing.AspNetCore (5.0.3)
      Be.Vlaanderen.Basisregisters.DataDog.Tracing (5.0.3)
      Serilog (>= 2.10)
    Be.Vlaanderen.Basisregisters.DataDog.Tracing.Autofac (5.0.3) - copy_content_to_output_dir: always
      Autofac.Extensions.DependencyInjection (>= 7.2)
      Be.Vlaanderen.Basisregisters.DataDog.Tracing (5.0.3)
      Microsoft.Extensions.Configuration (>= 6.0.1)
    Be.Vlaanderen.Basisregisters.DataDog.Tracing.Microsoft (5.0.3)
      Be.Vlaanderen.Basisregisters.DataDog.Tracing (5.0.3)
      Be.Vlaanderen.Basisregisters.DependencyInjection (>= 1.0.3)
      Microsoft.Extensions.Configuration (>= 6.0.1)
    Be.Vlaanderen.Basisregisters.DataDog.Tracing.Sql (5.0.3)
      Be.Vlaanderen.Basisregisters.DataDog.Tracing (5.0.3)
      System.Data.Common (>= 4.3)
    Be.Vlaanderen.Basisregisters.DataDog.Tracing.SqlStreamStore (5.0.3)
      Autofac (>= 6.3)
      Be.Vlaanderen.Basisregisters.DataDog.Tracing (5.0.3)
      SqlStreamStore.MsSql (>= 1.2)
      System.Data.Common (>= 4.3)
    Be.Vlaanderen.Basisregisters.DependencyInjection (1.0.3)
      Microsoft.Extensions.DependencyInjection.Abstractions (>= 6.0)
    Be.Vlaanderen.Basisregisters.EntityFrameworkCore.EntityTypeConfiguration (3.0)
      Microsoft.EntityFrameworkCore (>= 6.0.3)
    Be.Vlaanderen.Basisregisters.EventHandling (4.2.3)
      Be.Vlaanderen.Basisregisters.Converters.TrimString (>= 3.0)
      Newtonsoft.Json (>= 13.0.1)
      NodaTime.Serialization.JsonNet (>= 3.0)
    Be.Vlaanderen.Basisregisters.EventHandling.Autofac (4.2.3)
      Autofac.Extensions.DependencyInjection (>= 7.2)
      Be.Vlaanderen.Basisregisters.EventHandling (4.2.3)
    Be.Vlaanderen.Basisregisters.Generators.Guid.Deterministic (3.0.1)
    Be.Vlaanderen.Basisregisters.GrAr.Common (18.16)
      Be.Vlaanderen.Basisregisters.AggregateSource (>= 8.0)
      NodaTime (>= 3.0.10)
    Be.Vlaanderen.Basisregisters.GrAr.Edit (18.16)
      NetTopologySuite (>= 2.4)
    Be.Vlaanderen.Basisregisters.GrAr.Import (18.16)
      Autofac (>= 6.3)
      Be.Vlaanderen.Basisregisters.AggregateSource.SqlStreamStore (>= 8.0)
      Be.Vlaanderen.Basisregisters.CommandHandling (>= 8.0)
      Be.Vlaanderen.Basisregisters.CommandHandling.Idempotency (>= 8.0)
      Be.Vlaanderen.Basisregisters.Crab (>= 3.0)
      Be.Vlaanderen.Basisregisters.EventHandling (>= 4.2.3)
      Be.Vlaanderen.Basisregisters.Generators.Guid.Deterministic (>= 3.0.1)
      CommandLineParser (>= 2.8)
      Microsoft.Extensions.Configuration.Json (>= 6.0)
      Microsoft.Extensions.Logging (>= 6.0)
      Newtonsoft.Json (>= 13.0.1)
      Serilog (>= 2.10)
      Serilog.Extensions.Logging (>= 3.1)
      Serilog.Sinks.Email (>= 2.4)
      System.Threading.Tasks.Dataflow (>= 6.0)
    Be.Vlaanderen.Basisregisters.GrAr.Legacy (18.16)
      Be.Vlaanderen.Basisregisters.Utilities.Rfc3339DateTimeOffset (>= 3.0)
      Newtonsoft.Json (>= 13.0.1)
    Be.Vlaanderen.Basisregisters.GrAr.Provenance (18.16)
      Be.Vlaanderen.Basisregisters.CommandHandling (>= 8.0)
      Be.Vlaanderen.Basisregisters.Crab (>= 3.0)
      Be.Vlaanderen.Basisregisters.GrAr.Common (18.16)
      Microsoft.CSharp (>= 4.7)
    Be.Vlaanderen.Basisregisters.MessageHandling.AwsSqs.Simple (4.8.1) - copy_content_to_output_dir: always
      AWSSDK.Core (>= 3.7.11.5)
      AWSSDK.SQS (>= 3.7.2.58)
      Microsoft.Extensions.Logging (>= 6.0)
    Be.Vlaanderen.Basisregisters.Middleware.AddProblemJsonHeader (2.0)
    Be.Vlaanderen.Basisregisters.MunicipalityRegistry.Api.Legacy (4.4.3) - copy_content_to_output_dir: always
      Be.Vlaanderen.Basisregisters.GrAr.Legacy (>= 18.1.1)
    Be.Vlaanderen.Basisregisters.MunicipalityRegistry.Api.Oslo (4.4.3) - copy_content_to_output_dir: always
      Be.Vlaanderen.Basisregisters.GrAr.Legacy (>= 18.1.1)
    Be.Vlaanderen.Basisregisters.ParcelRegistry.Api.BackOffice.Abstractions (4.18) - copy_content_to_output_dir: always
      Be.Vlaanderen.Basisregisters.Api (>= 20.0)
      MediatR.Contracts (>= 2.0.1)
    Be.Vlaanderen.Basisregisters.ParcelRegistry.Api.Legacy (4.18) - copy_content_to_output_dir: always
      Be.Vlaanderen.Basisregisters.GrAr.Legacy (>= 18.9.7)
    Be.Vlaanderen.Basisregisters.ParcelRegistry.Api.Oslo (4.18) - copy_content_to_output_dir: always
      Be.Vlaanderen.Basisregisters.GrAr.Legacy (>= 18.9.7)
    Be.Vlaanderen.Basisregisters.PostalRegistry.Api.Legacy (3.7.2) - copy_content_to_output_dir: always
    Be.Vlaanderen.Basisregisters.PostalRegistry.Api.Oslo (3.7.2) - copy_content_to_output_dir: always
    Be.Vlaanderen.Basisregisters.ProblemDetails (8.0.6)
      System.Reflection.Metadata (>= 6.0.1)
    Be.Vlaanderen.Basisregisters.ProjectionHandling.Connector (11.0.7)
      Microsoft.EntityFrameworkCore (>= 6.0.3)
    Be.Vlaanderen.Basisregisters.ProjectionHandling.Runner (11.0.7)
      Autofac.Extensions.DependencyInjection (>= 7.2)
      Be.Vlaanderen.Basisregisters.EntityFrameworkCore.EntityTypeConfiguration (>= 3.0)
      Be.Vlaanderen.Basisregisters.ProjectionHandling.Connector (11.0.7)
      Be.Vlaanderen.Basisregisters.ProjectionHandling.SqlStreamStore (11.0.7)
      Microsoft.EntityFrameworkCore.InMemory (>= 6.0.3)
      Microsoft.EntityFrameworkCore.SqlServer (>= 6.0.3)
      Microsoft.Extensions.Configuration (>= 6.0.1)
      Microsoft.Extensions.Configuration.CommandLine (>= 6.0)
      Microsoft.Extensions.Configuration.EnvironmentVariables (>= 6.0.1)
      Microsoft.Extensions.Configuration.FileExtensions (>= 6.0)
      Microsoft.Extensions.Configuration.Json (>= 6.0)
      SqlStreamStore (>= 1.2)
    Be.Vlaanderen.Basisregisters.ProjectionHandling.SqlStreamStore (11.0.7)
      Be.Vlaanderen.Basisregisters.EventHandling (>= 4.2.2)
      SqlStreamStore (>= 1.2)
    Be.Vlaanderen.Basisregisters.PublicServiceRegistry.Api.Backoffice (2.1.1) - copy_content_to_output_dir: always
    Be.Vlaanderen.Basisregisters.RoadRegistry.BackOffice (3.39.2) - copy_content_to_output_dir: always
      Amazon.Lambda.Core (>= 2.1)
      AWSSDK.DynamoDBv2 (>= 3.7.100)
      Be.Vlaanderen.Basisregisters.AggregateSource (>= 8.0)
      Be.Vlaanderen.Basisregisters.Aws.DistributedS3Cache (>= 1.0.5)
      Be.Vlaanderen.Basisregisters.BlobStore (>= 3.0)
      Be.Vlaanderen.Basisregisters.EventHandling.Autofac (>= 4.2.3)
      Be.Vlaanderen.Basisregisters.Generators.Guid.Deterministic (>= 3.0.1)
      Be.Vlaanderen.Basisregisters.GrAr.Provenance (>= 18.1.1)
      Be.Vlaanderen.Basisregisters.MessageHandling.AwsSqs.Simple (>= 4.8)
      Be.Vlaanderen.Basisregisters.Shaperon (>= 9.0.1)
      Be.Vlaanderen.Basisregisters.Shaperon.Geometries (>= 9.0.1)
      DotSpatial.Projections (>= 4.0.656)
      FeatureToggle.Common (>= 4.0.2)
      FluentValidation (>= 11.2.2)
      MediatR (>= 12.0.1)
      MessagePack (>= 2.4.35)
      Microsoft.Extensions.Configuration (>= 6.0.1)
      Microsoft.Extensions.Configuration.Abstractions (>= 6.0)
      Microsoft.Extensions.Configuration.Binder (>= 6.0)
      Microsoft.Extensions.Logging.Abstractions (>= 7.0)
      Microsoft.Extensions.Logging.Console (>= 6.0)
      Microsoft.IdentityModel.Abstractions (>= 6.25.1)
      Microsoft.IdentityModel.JsonWebTokens (>= 6.25.1)
      Microsoft.IdentityModel.Logging (>= 6.25.1)
      Microsoft.IdentityModel.Tokens (>= 6.25.1)
      Microsoft.IO.RecyclableMemoryStream (>= 2.2.1)
      NetTopologySuite (>= 2.5)
      Polly (>= 7.2.3)
      SqlStreamStore (>= 1.2)
      System.IdentityModel.Tokens.Jwt (>= 6.24)
    Be.Vlaanderen.Basisregisters.RoadRegistry.BackOffice.Abstractions (3.39.2) - copy_content_to_output_dir: always
      Be.Vlaanderen.Basisregisters.BlobStore (>= 3.0)
      MediatR.Contracts (>= 2.0.1)
      Microsoft.Net.Http.Headers (>= 2.2.8)
    Be.Vlaanderen.Basisregisters.RoadRegistry.BackOffice.Api (3.39.2) - copy_content_to_output_dir: always
      AspNetCore.HealthChecks.SqlServer (>= 6.0.2)
      AWSSDK.Core (>= 3.7.100)
      Be.Vlaanderen.Basisregisters.Api (>= 19.1)
      Be.Vlaanderen.Basisregisters.Aws.DistributedMutex (>= 3.0.2)
      Be.Vlaanderen.Basisregisters.DataDog.Tracing.Autofac (>= 5.0.3)
      Be.Vlaanderen.Basisregisters.GrAr.Provenance (>= 18.1.1)
      Be.Vlaanderen.Basisregisters.Shaperon (>= 9.0.1)
      MediatR (>= 12.0.1)
      Microsoft.EntityFrameworkCore.SqlServer.NetTopologySuite (>= 6.0.10)
      RestSharp (>= 108.0.2)
      Serilog.Sinks.Seq (>= 5.2.1)
    Be.Vlaanderen.Basisregisters.Shaperon (9.0.1) - copy_content_to_output_dir: always
    Be.Vlaanderen.Basisregisters.Shaperon.Geometries (9.0.1) - copy_content_to_output_dir: always
    Be.Vlaanderen.Basisregisters.Sqs (2.1.3)
      MediatR (>= 12.0.1)
    Be.Vlaanderen.Basisregisters.StreetNameRegistry.Api.BackOffice.Abstractions (3.27.3) - copy_content_to_output_dir: always
      Be.Vlaanderen.Basisregisters.Api (>= 20.0)
      MediatR.Contracts (>= 2.0.1)
    Be.Vlaanderen.Basisregisters.StreetNameRegistry.Api.Legacy (3.27.3) - copy_content_to_output_dir: always
      Be.Vlaanderen.Basisregisters.GrAr.Legacy (>= 18.4)
      MediatR.Contracts (>= 2.0.1)
    Be.Vlaanderen.Basisregisters.StreetNameRegistry.Api.Oslo (3.27.3) - copy_content_to_output_dir: always
      Be.Vlaanderen.Basisregisters.GrAr.Legacy (>= 18.4)
      MediatR.Contracts (>= 2.0.1)
    Be.Vlaanderen.Basisregisters.TicketingService.Abstractions (1.9.2)
    Be.Vlaanderen.Basisregisters.Utilities.HashCodeCalculator (3.0)
    Be.Vlaanderen.Basisregisters.Utilities.HexByteConvertor (3.0)
    Be.Vlaanderen.Basisregisters.Utilities.Rfc3339DateTimeOffset (3.0)
      Newtonsoft.Json (>= 13.0.1)
    Be.Vlaanderen.Basisregisters.Utilities.ToStringBuilder (3.0)
    BlackFox.VsWhere (1.1)
      FSharp.Core (>= 4.2.3)
      Microsoft.Win32.Registry (>= 4.7)
    CommandLineParser (2.9.1)
    DotSpatial.Projections (4.0.656) - copy_content_to_output_dir: always
    Fake.Core.CommandLineParsing (5.22)
      FParsec (>= 1.1.1)
      FSharp.Core (>= 6.0)
    Fake.Core.Context (5.22)
      FSharp.Core (>= 6.0)
    Fake.Core.Environment (5.22)
      FSharp.Core (>= 6.0)
    Fake.Core.FakeVar (5.22)
      Fake.Core.Context (>= 5.22)
      FSharp.Core (>= 6.0)
    Fake.Core.Process (5.22)
      Fake.Core.Environment (>= 5.22)
      Fake.Core.FakeVar (>= 5.22)
      Fake.Core.String (>= 5.22)
      Fake.Core.Trace (>= 5.22)
      Fake.IO.FileSystem (>= 5.22)
      FSharp.Core (>= 6.0)
      System.Collections.Immutable (>= 5.0)
    Fake.Core.SemVer (5.22)
      FSharp.Core (>= 6.0)
    Fake.Core.String (5.23)
      FSharp.Core (>= 6.0)
    Fake.Core.Target (5.22)
      Fake.Core.CommandLineParsing (>= 5.22)
      Fake.Core.Context (>= 5.22)
      Fake.Core.Environment (>= 5.22)
      Fake.Core.FakeVar (>= 5.22)
      Fake.Core.Process (>= 5.22)
      Fake.Core.String (>= 5.22)
      Fake.Core.Trace (>= 5.22)
      FSharp.Control.Reactive (>= 5.0.2)
      FSharp.Core (>= 6.0)
    Fake.Core.Tasks (5.22)
      Fake.Core.Trace (>= 5.22)
      FSharp.Core (>= 6.0)
    Fake.Core.Trace (5.22)
      Fake.Core.Environment (>= 5.22)
      Fake.Core.FakeVar (>= 5.22)
      FSharp.Core (>= 6.0)
    Fake.Core.Xml (5.22)
      Fake.Core.String (>= 5.22)
      FSharp.Core (>= 6.0)
    Fake.DotNet.AssemblyInfoFile (5.22)
      Fake.Core.Environment (>= 5.22)
      Fake.Core.String (>= 5.22)
      Fake.Core.Trace (>= 5.22)
      Fake.IO.FileSystem (>= 5.22)
      FSharp.Core (>= 6.0)
    Fake.DotNet.Cli (5.22)
      Fake.Core.Environment (>= 5.22)
      Fake.Core.Process (>= 5.22)
      Fake.Core.String (>= 5.22)
      Fake.Core.Trace (>= 5.22)
      Fake.DotNet.MSBuild (>= 5.22)
      Fake.DotNet.NuGet (>= 5.22)
      Fake.IO.FileSystem (>= 5.22)
      FSharp.Core (>= 6.0)
      Mono.Posix.NETStandard (>= 1.0)
      Newtonsoft.Json (>= 13.0.1)
    Fake.DotNet.MSBuild (5.22)
      BlackFox.VsWhere (>= 1.1)
      Fake.Core.Environment (>= 5.22)
      Fake.Core.Process (>= 5.22)
      Fake.Core.String (>= 5.22)
      Fake.Core.Trace (>= 5.22)
      Fake.IO.FileSystem (>= 5.22)
      FSharp.Core (>= 6.0)
      MSBuild.StructuredLogger (>= 2.1.545)
    Fake.DotNet.NuGet (5.22)
      Fake.Core.Environment (>= 5.22)
      Fake.Core.Process (>= 5.22)
      Fake.Core.SemVer (>= 5.22)
      Fake.Core.String (>= 5.22)
      Fake.Core.Tasks (>= 5.22)
      Fake.Core.Trace (>= 5.22)
      Fake.Core.Xml (>= 5.22)
      Fake.IO.FileSystem (>= 5.22)
      Fake.Net.Http (>= 5.22)
      FSharp.Core (>= 6.0)
      Newtonsoft.Json (>= 13.0.1)
      NuGet.Protocol (>= 5.11)
    Fake.DotNet.Paket (5.22)
      Fake.Core.Process (>= 5.22)
      Fake.Core.String (>= 5.22)
      Fake.Core.Trace (>= 5.22)
      Fake.DotNet.Cli (>= 5.22)
      Fake.IO.FileSystem (>= 5.22)
      FSharp.Core (>= 6.0)
    Fake.IO.FileSystem (5.22)
      Fake.Core.String (>= 5.22)
      FSharp.Core (>= 6.0)
    Fake.JavaScript.Npm (5.22)
      Fake.Core.Environment (>= 5.22)
      Fake.Core.Process (>= 5.22)
      Fake.IO.FileSystem (>= 5.22)
      Fake.Testing.Common (>= 5.22)
      FSharp.Core (>= 6.0)
    Fake.Net.Http (5.22)
      Fake.Core.Trace (>= 5.22)
      FSharp.Core (>= 6.0)
    Fake.Testing.Common (5.22)
      Fake.Core.Trace (>= 5.22)
      FSharp.Core (>= 6.0)
    Fare (2.2.1)
    FeatureToggle.Common (4.0.2) - copy_content_to_output_dir: always
      NETStandard.Library (>= 1.6.1)
    FluentAssertions (6.5.1)
      System.Configuration.ConfigurationManager (>= 4.4)
    FluentValidation (11.5.1) - copy_content_to_output_dir: always
    FluentValidation.AspNetCore (11.1.2)
      FluentValidation (>= 11.1)
      FluentValidation.DependencyInjectionExtensions (>= 11.1)
    FluentValidation.DependencyInjectionExtensions (11.1)
      FluentValidation (>= 11.1)
      Microsoft.Extensions.DependencyInjection.Abstractions (>= 2.1)
    Fluid.Core (2.2.15)
      Microsoft.Extensions.FileProviders.Abstractions (>= 1.1.1)
      Parlot (>= 0.0.23)
      TimeZoneConverter (>= 3.5)
    FParsec (1.1.1)
      FSharp.Core (>= 4.3.4)
    FSharp.Control.Reactive (5.0.5)
      FSharp.Core (>= 4.7.2)
      System.Reactive (>= 5.0 < 6.0)
    FSharp.Core (6.0.6)
    GeoJSON.Net (1.2.19)
      Newtonsoft.Json (>= 10.0.2)
    IdentityModel (6.0)
    MailKit (3.3)
      MimeKit (>= 3.3)
    Marvin.Cache.Headers (6.1)
    MediatR (12.0.1) - copy_content_to_output_dir: always
      MediatR.Contracts (>= 2.0.1 < 3.0)
      Microsoft.Extensions.DependencyInjection.Abstractions (>= 6.0)
    MediatR.Contracts (2.0.1) - copy_content_to_output_dir: always
    MessagePack (2.4.59) - copy_content_to_output_dir: always
      MessagePack.Annotations (>= 2.4.59)
      Microsoft.NET.StringTools (>= 17.4)
    MessagePack.Annotations (2.4.59) - copy_content_to_output_dir: always
    Microsoft.AspNetCore.Diagnostics.EntityFrameworkCore (6.0.7)
      Microsoft.EntityFrameworkCore.Relational (>= 6.0.7)
    Microsoft.AspNetCore.Hosting.Abstractions (2.2)
      Microsoft.AspNetCore.Hosting.Server.Abstractions (>= 2.2)
      Microsoft.AspNetCore.Http.Abstractions (>= 2.2)
      Microsoft.Extensions.Hosting.Abstractions (>= 2.2)
    Microsoft.AspNetCore.Hosting.Server.Abstractions (2.2)
      Microsoft.AspNetCore.Http.Features (>= 2.2)
      Microsoft.Extensions.Configuration.Abstractions (>= 2.2)
    Microsoft.AspNetCore.Http.Abstractions (2.2)
      Microsoft.AspNetCore.Http.Features (>= 2.2)
      System.Text.Encodings.Web (>= 4.5)
    Microsoft.AspNetCore.Http.Extensions (2.2)
      Microsoft.AspNetCore.Http.Abstractions (>= 2.2)
      Microsoft.Extensions.FileProviders.Abstractions (>= 2.2)
      Microsoft.Net.Http.Headers (>= 2.2)
      System.Buffers (>= 4.5)
    Microsoft.AspNetCore.Http.Features (5.0.17)
      Microsoft.Extensions.Primitives (>= 5.0.1)
      System.IO.Pipelines (>= 5.0.2)
    Microsoft.AspNetCore.JsonPatch (6.0.7)
      Microsoft.CSharp (>= 4.7)
      Newtonsoft.Json (>= 13.0.1)
    Microsoft.AspNetCore.Mvc.NewtonsoftJson (6.0.7)
      Microsoft.AspNetCore.JsonPatch (>= 6.0.7)
      Newtonsoft.Json (>= 13.0.1)
      Newtonsoft.Json.Bson (>= 1.0.2)
    Microsoft.AspNetCore.Mvc.Versioning (5.0)
    Microsoft.AspNetCore.Mvc.Versioning.ApiExplorer (5.0)
      Microsoft.AspNetCore.Mvc.Versioning (>= 5.0)
    Microsoft.Bcl.AsyncInterfaces (6.0) - copy_content_to_output_dir: always
    Microsoft.Build (17.3.2)
      Microsoft.Build.Framework (>= 17.3.2)
      Microsoft.NET.StringTools (>= 17.3.2)
      System.Collections.Immutable (>= 6.0)
      System.Configuration.ConfigurationManager (>= 6.0)
      System.Reflection.Metadata (>= 6.0)
      System.Reflection.MetadataLoadContext (>= 6.0)
      System.Security.Principal.Windows (>= 5.0)
      System.Text.Encoding.CodePages (>= 6.0)
      System.Text.Json (>= 6.0)
      System.Threading.Tasks.Dataflow (>= 6.0)
    Microsoft.Build.Framework (17.3.2)
      System.Security.Permissions (>= 6.0)
    Microsoft.Build.Tasks.Core (17.2)
      Microsoft.Build.Framework (>= 17.2)
      Microsoft.Build.Utilities.Core (>= 17.2)
      Microsoft.NET.StringTools (>= 1.0)
      Microsoft.Win32.Registry (>= 4.3)
      System.CodeDom (>= 4.4)
      System.Collections.Immutable (>= 5.0)
      System.Reflection.Metadata (>= 1.6)
      System.Resources.Extensions (>= 4.6)
      System.Security.Cryptography.Pkcs (>= 4.7)
      System.Security.Cryptography.Xml (>= 4.7)
      System.Security.Permissions (>= 4.7)
      System.Threading.Tasks.Dataflow (>= 6.0)
    Microsoft.Build.Utilities.Core (17.2)
      Microsoft.Build.Framework (>= 17.2)
      Microsoft.NET.StringTools (>= 1.0)
      Microsoft.Win32.Registry (>= 4.3)
      System.Collections.Immutable (>= 5.0)
      System.Configuration.ConfigurationManager (>= 4.7)
    Microsoft.CodeCoverage (17.2)
    Microsoft.CSharp (4.7)
    Microsoft.Data.SqlClient (5.0.1) - copy_content_to_output_dir: always
      Azure.Identity (>= 1.6)
      Microsoft.Data.SqlClient.SNI.runtime (>= 5.0.1)
      Microsoft.Identity.Client (>= 4.45)
      Microsoft.IdentityModel.JsonWebTokens (>= 6.21)
      Microsoft.IdentityModel.Protocols.OpenIdConnect (>= 6.21)
      Microsoft.SqlServer.Server (>= 1.0)
      Microsoft.Win32.Registry (>= 5.0)
      System.Buffers (>= 4.5.1)
      System.Configuration.ConfigurationManager (>= 5.0)
      System.Diagnostics.DiagnosticSource (>= 5.0)
      System.IO (>= 4.3)
      System.Resources.ResourceManager (>= 4.3)
      System.Runtime.Caching (>= 5.0)
      System.Security.Cryptography.Cng (>= 5.0)
      System.Security.Principal.Windows (>= 5.0)
      System.Text.Encoding.CodePages (>= 5.0)
      System.Text.Encodings.Web (>= 4.7.2)
    Microsoft.Data.SqlClient.SNI.runtime (5.1) - copy_content_to_output_dir: always
    Microsoft.EntityFrameworkCore (7.0.3)
      Microsoft.EntityFrameworkCore.Abstractions (>= 7.0.3)
      Microsoft.EntityFrameworkCore.Analyzers (>= 7.0.3)
      Microsoft.Extensions.Caching.Memory (>= 7.0)
      Microsoft.Extensions.DependencyInjection (>= 7.0)
      Microsoft.Extensions.Logging (>= 7.0)
    Microsoft.EntityFrameworkCore.Abstractions (7.0.3)
    Microsoft.EntityFrameworkCore.Analyzers (7.0.3)
    Microsoft.EntityFrameworkCore.InMemory (7.0.3)
      Microsoft.EntityFrameworkCore (>= 7.0.3)
    Microsoft.EntityFrameworkCore.Relational (7.0.3) - copy_content_to_output_dir: always
      Microsoft.EntityFrameworkCore (>= 7.0.3)
      Microsoft.Extensions.Configuration.Abstractions (>= 7.0)
    Microsoft.EntityFrameworkCore.SqlServer (7.0.3) - copy_content_to_output_dir: always
      Microsoft.Data.SqlClient (>= 5.0.1)
      Microsoft.EntityFrameworkCore.Relational (>= 7.0.3)
    Microsoft.EntityFrameworkCore.SqlServer.NetTopologySuite (6.0.14) - copy_content_to_output_dir: always
      Microsoft.EntityFrameworkCore.SqlServer (>= 6.0.14)
      NetTopologySuite (>= 2.3)
      NetTopologySuite.IO.SqlServerBytes (>= 2.0)
    Microsoft.Extensions.ApiDescription.Server (6.0.7)
    Microsoft.Extensions.Caching.Abstractions (7.0)
      Microsoft.Extensions.Primitives (>= 7.0)
    Microsoft.Extensions.Caching.Memory (7.0)
      Microsoft.Extensions.Caching.Abstractions (>= 7.0)
      Microsoft.Extensions.DependencyInjection.Abstractions (>= 7.0)
      Microsoft.Extensions.Logging.Abstractions (>= 7.0)
      Microsoft.Extensions.Options (>= 7.0)
      Microsoft.Extensions.Primitives (>= 7.0)
    Microsoft.Extensions.Configuration (7.0)
      Microsoft.Extensions.Configuration.Abstractions (>= 7.0)
      Microsoft.Extensions.Primitives (>= 7.0)
    Microsoft.Extensions.Configuration.Abstractions (7.0)
      Microsoft.Extensions.Primitives (>= 7.0)
    Microsoft.Extensions.Configuration.Binder (7.0)
      Microsoft.Extensions.Configuration.Abstractions (>= 7.0)
    Microsoft.Extensions.Configuration.CommandLine (6.0)
      Microsoft.Extensions.Configuration (>= 6.0)
      Microsoft.Extensions.Configuration.Abstractions (>= 6.0)
    Microsoft.Extensions.Configuration.EnvironmentVariables (6.0.1)
      Microsoft.Extensions.Configuration (>= 6.0)
      Microsoft.Extensions.Configuration.Abstractions (>= 6.0)
    Microsoft.Extensions.Configuration.FileExtensions (6.0)
      Microsoft.Extensions.Configuration (>= 6.0)
      Microsoft.Extensions.Configuration.Abstractions (>= 6.0)
      Microsoft.Extensions.FileProviders.Abstractions (>= 6.0)
      Microsoft.Extensions.FileProviders.Physical (>= 6.0)
      Microsoft.Extensions.Primitives (>= 6.0)
    Microsoft.Extensions.Configuration.Json (6.0)
      Microsoft.Extensions.Configuration (>= 6.0)
      Microsoft.Extensions.Configuration.Abstractions (>= 6.0)
      Microsoft.Extensions.Configuration.FileExtensions (>= 6.0)
      Microsoft.Extensions.FileProviders.Abstractions (>= 6.0)
      System.Text.Json (>= 6.0)
    Microsoft.Extensions.DependencyInjection (7.0)
      Microsoft.Extensions.DependencyInjection.Abstractions (>= 7.0)
    Microsoft.Extensions.DependencyInjection.Abstractions (7.0)
    Microsoft.Extensions.DependencyModel (6.0)
      System.Buffers (>= 4.5.1)
      System.Memory (>= 4.5.4)
      System.Runtime.CompilerServices.Unsafe (>= 6.0)
      System.Text.Encodings.Web (>= 6.0)
      System.Text.Json (>= 6.0)
    Microsoft.Extensions.Diagnostics.HealthChecks (6.0.7)
      Microsoft.Extensions.Diagnostics.HealthChecks.Abstractions (>= 6.0.7)
      Microsoft.Extensions.Hosting.Abstractions (>= 6.0)
      Microsoft.Extensions.Logging.Abstractions (>= 6.0.1)
      Microsoft.Extensions.Options (>= 6.0)
    Microsoft.Extensions.Diagnostics.HealthChecks.Abstractions (6.0.7)
    Microsoft.Extensions.Diagnostics.HealthChecks.EntityFrameworkCore (6.0.7)
      Microsoft.EntityFrameworkCore.Relational (>= 6.0.7)
      Microsoft.Extensions.Diagnostics.HealthChecks (>= 6.0.7)
      Microsoft.Extensions.Diagnostics.HealthChecks.Abstractions (>= 6.0.7)
    Microsoft.Extensions.FileProviders.Abstractions (6.0)
      Microsoft.Extensions.Primitives (>= 6.0)
    Microsoft.Extensions.FileProviders.Embedded (6.0.7)
      Microsoft.Extensions.FileProviders.Abstractions (>= 6.0)
    Microsoft.Extensions.FileProviders.Physical (6.0)
      Microsoft.Extensions.FileProviders.Abstractions (>= 6.0)
      Microsoft.Extensions.FileSystemGlobbing (>= 6.0)
      Microsoft.Extensions.Primitives (>= 6.0)
    Microsoft.Extensions.FileSystemGlobbing (6.0)
    Microsoft.Extensions.Hosting.Abstractions (6.0)
      Microsoft.Extensions.Configuration.Abstractions (>= 6.0)
      Microsoft.Extensions.DependencyInjection.Abstractions (>= 6.0)
      Microsoft.Extensions.FileProviders.Abstractions (>= 6.0)
    Microsoft.Extensions.Localization (6.0.7)
      Microsoft.Extensions.DependencyInjection.Abstractions (>= 6.0)
      Microsoft.Extensions.Localization.Abstractions (>= 6.0.7)
      Microsoft.Extensions.Logging.Abstractions (>= 6.0.1)
      Microsoft.Extensions.Options (>= 6.0)
    Microsoft.Extensions.Localization.Abstractions (6.0.7)
    Microsoft.Extensions.Logging (7.0)
      Microsoft.Extensions.DependencyInjection (>= 7.0)
      Microsoft.Extensions.DependencyInjection.Abstractions (>= 7.0)
      Microsoft.Extensions.Logging.Abstractions (>= 7.0)
      Microsoft.Extensions.Options (>= 7.0)
    Microsoft.Extensions.Logging.Abstractions (7.0) - copy_content_to_output_dir: always
    Microsoft.Extensions.Logging.Configuration (7.0) - copy_content_to_output_dir: always
      Microsoft.Extensions.Configuration (>= 7.0)
      Microsoft.Extensions.Configuration.Abstractions (>= 7.0)
      Microsoft.Extensions.Configuration.Binder (>= 7.0)
      Microsoft.Extensions.DependencyInjection.Abstractions (>= 7.0)
      Microsoft.Extensions.Logging (>= 7.0)
      Microsoft.Extensions.Logging.Abstractions (>= 7.0)
      Microsoft.Extensions.Options (>= 7.0)
      Microsoft.Extensions.Options.ConfigurationExtensions (>= 7.0)
    Microsoft.Extensions.Logging.Console (7.0) - copy_content_to_output_dir: always
      Microsoft.Extensions.DependencyInjection.Abstractions (>= 7.0)
      Microsoft.Extensions.Logging (>= 7.0)
      Microsoft.Extensions.Logging.Abstractions (>= 7.0)
      Microsoft.Extensions.Logging.Configuration (>= 7.0)
      Microsoft.Extensions.Options (>= 7.0)
      System.Runtime.CompilerServices.Unsafe (>= 6.0)
      System.Text.Json (>= 7.0)
    Microsoft.Extensions.Options (7.0)
      Microsoft.Extensions.DependencyInjection.Abstractions (>= 7.0)
      Microsoft.Extensions.Primitives (>= 7.0)
    Microsoft.Extensions.Options.ConfigurationExtensions (7.0)
      Microsoft.Extensions.Configuration.Abstractions (>= 7.0)
      Microsoft.Extensions.Configuration.Binder (>= 7.0)
      Microsoft.Extensions.DependencyInjection.Abstractions (>= 7.0)
      Microsoft.Extensions.Options (>= 7.0)
      Microsoft.Extensions.Primitives (>= 7.0)
    Microsoft.Extensions.Primitives (7.0)
      System.Runtime.CompilerServices.Unsafe (>= 6.0)
    Microsoft.Identity.Client (4.45) - copy_content_to_output_dir: always
      Microsoft.IdentityModel.Abstractions (>= 6.18)
    Microsoft.Identity.Client.Extensions.Msal (2.22) - copy_content_to_output_dir: always
      Microsoft.Identity.Client (>= 4.45)
      System.IO.FileSystem.AccessControl (>= 5.0)
      System.Security.Cryptography.ProtectedData (>= 4.5)
    Microsoft.IdentityModel.Abstractions (6.27) - copy_content_to_output_dir: always
    Microsoft.IdentityModel.JsonWebTokens (6.25.1) - copy_content_to_output_dir: always
      Microsoft.IdentityModel.Tokens (>= 6.25.1)
      System.Text.Encoding (>= 4.3)
      System.Text.Json (>= 4.7.2)
    Microsoft.IdentityModel.Logging (6.27)
      Microsoft.IdentityModel.Abstractions (>= 6.27)
    Microsoft.IdentityModel.Protocols (6.22) - copy_content_to_output_dir: always
      Microsoft.IdentityModel.Logging (>= 6.22)
      Microsoft.IdentityModel.Tokens (>= 6.22)
    Microsoft.IdentityModel.Protocols.OpenIdConnect (6.22) - copy_content_to_output_dir: always
      Microsoft.IdentityModel.Protocols (>= 6.22)
      System.IdentityModel.Tokens.Jwt (>= 6.22)
    Microsoft.IdentityModel.Tokens (6.25.1)
      Microsoft.CSharp (>= 4.5)
      Microsoft.IdentityModel.Logging (>= 6.25.1)
      System.Security.Cryptography.Cng (>= 4.5)
    Microsoft.IO.RecyclableMemoryStream (2.3.2) - copy_content_to_output_dir: always
    Microsoft.Net.Http.Headers (2.2.8) - copy_content_to_output_dir: always
      Microsoft.Extensions.Primitives (>= 2.2)
      System.Buffers (>= 4.5)
    Microsoft.NET.StringTools (17.5) - copy_content_to_output_dir: always
      System.Memory (>= 4.5.5)
      System.Runtime.CompilerServices.Unsafe (>= 6.0)
    Microsoft.NET.Test.Sdk (17.1)
      Microsoft.CodeCoverage (>= 17.1)
      Microsoft.TestPlatform.TestHost (>= 17.1)
    Microsoft.NETCore.Platforms (6.0.5)
    Microsoft.NETCore.Targets (5.0)
    Microsoft.OpenApi (1.3.2)
    Microsoft.SqlServer.Server (1.0) - copy_content_to_output_dir: always
    Microsoft.SyndicationFeed.ReaderWriter (1.0.2)
      System.Globalization (>= 4.3)
      System.Linq (>= 4.3)
      System.Runtime.Extensions (>= 4.3)
      System.Xml.ReaderWriter (>= 4.3)
    Microsoft.TestPlatform.ObjectModel (17.2)
      NuGet.Frameworks (>= 5.11)
      System.Reflection.Metadata (>= 1.6)
    Microsoft.TestPlatform.TestHost (17.2)
      Microsoft.TestPlatform.ObjectModel (>= 17.2)
      Newtonsoft.Json (>= 9.0.1)
    Microsoft.VisualStudio.Web.BrowserLink (2.2)
      Microsoft.AspNetCore.Hosting.Abstractions (>= 2.2)
      Microsoft.AspNetCore.Http.Abstractions (>= 2.2)
      Microsoft.AspNetCore.Http.Extensions (>= 2.2)
      Microsoft.Extensions.FileProviders.Physical (>= 2.2)
    Microsoft.Win32.Registry (5.0) - copy_content_to_output_dir: always
      System.Security.AccessControl (>= 5.0)
      System.Security.Principal.Windows (>= 5.0)
    Microsoft.Win32.SystemEvents (6.0.1)
    MimeKit (3.3)
      Portable.BouncyCastle (>= 1.9)
      System.Security.Cryptography.Pkcs (>= 6.0)
    Mono.Posix.NETStandard (1.0)
    MSBuild.StructuredLogger (2.1.669)
      Microsoft.Build (>= 16.10)
      Microsoft.Build.Framework (>= 16.10)
      Microsoft.Build.Tasks.Core (>= 16.10)
      Microsoft.Build.Utilities.Core (>= 16.10)
    Namotion.Reflection (2.0.10)
      Microsoft.CSharp (>= 4.3)
    NETStandard.Library (2.0.3)
      Microsoft.NETCore.Platforms (>= 1.1)
    NetTopologySuite (2.5)
      System.Memory (>= 4.5.4)
    NetTopologySuite.IO.SqlServerBytes (2.1) - copy_content_to_output_dir: always
      NetTopologySuite (>= 2.0 < 3.0.0-A)
    Newtonsoft.Json (13.0.1)
    Newtonsoft.Json.Bson (1.0.2)
      Newtonsoft.Json (>= 12.0.1)
    NJsonSchema (10.7.2)
      Namotion.Reflection (>= 2.0.10)
      Newtonsoft.Json (>= 9.0.1)
    NJsonSchema.CodeGeneration (10.7.2)
      Fluid.Core (>= 2.2.14)
      Newtonsoft.Json (>= 9.0.1)
      NJsonSchema (>= 10.7.2)
      System.Text.Encodings.Web (>= 5.0.1)
    NJsonSchema.CodeGeneration.CSharp (10.7.2)
      Newtonsoft.Json (>= 9.0.1)
      NJsonSchema (>= 10.7.2)
      NJsonSchema.CodeGeneration (>= 10.7.2)
    NJsonSchema.CodeGeneration.TypeScript (10.7.2)
      Newtonsoft.Json (>= 9.0.1)
      NJsonSchema (>= 10.7.2)
      NJsonSchema.CodeGeneration (>= 10.7.2)
    NodaTime (3.1.6)
      System.Runtime.CompilerServices.Unsafe (>= 4.7.1)
    NodaTime.Serialization.JsonNet (3.0)
      Newtonsoft.Json (>= 12.0.1)
      NodaTime (>= 3.0 < 4.0)
    NSwag.CodeGeneration (13.16.1)
      Newtonsoft.Json (>= 9.0.1)
      NJsonSchema (>= 10.7.2)
      NJsonSchema.CodeGeneration (>= 10.7.2)
      NSwag.Core (>= 13.16.1)
    NSwag.CodeGeneration.CSharp (13.16.1)
      NJsonSchema.CodeGeneration.CSharp (>= 10.7.2)
      NSwag.CodeGeneration (>= 13.16.1)
    NSwag.CodeGeneration.TypeScript (13.16.1)
      NJsonSchema.CodeGeneration.TypeScript (>= 10.7.2)
      NSwag.CodeGeneration (>= 13.16.1)
    NSwag.Core (13.16.1)
      Newtonsoft.Json (>= 9.0.1)
      NJsonSchema (>= 10.7.2)
    NuGet.Common (6.3.1)
      NuGet.Frameworks (>= 6.3.1)
    NuGet.Configuration (6.3.1)
      NuGet.Common (>= 6.3.1)
      System.Security.Cryptography.ProtectedData (>= 4.4)
    NuGet.Frameworks (6.3.1)
    NuGet.Packaging (6.3.1)
      Newtonsoft.Json (>= 13.0.1)
      NuGet.Configuration (>= 6.3.1)
      NuGet.Versioning (>= 6.3.1)
      System.Security.Cryptography.Cng (>= 5.0)
      System.Security.Cryptography.Pkcs (>= 5.0)
    NuGet.Protocol (6.3.1)
      NuGet.Packaging (>= 6.3.1)
    NuGet.Versioning (6.3.1)
    Parlot (0.0.23)
    Pipelines.Sockets.Unofficial (2.2.2)
      System.IO.Pipelines (>= 5.0.1)
    Polly (7.2.3)
    Portable.BouncyCastle (1.9)
    RestSharp (108.0.2)
    Scrutor (4.2)
      Microsoft.Extensions.DependencyInjection.Abstractions (>= 6.0)
      Microsoft.Extensions.DependencyModel (>= 6.0)
    Serilog (2.12) - copy_content_to_output_dir: always
    Serilog.Enrichers.Environment (2.2)
      Serilog (>= 2.3)
    Serilog.Enrichers.Thread (3.1)
      Serilog (>= 2.3)
    Serilog.Extensions.Logging (3.1)
      Microsoft.Extensions.Logging (>= 2.0)
      Serilog (>= 2.9)
    Serilog.Formatting.Compact (1.1)
      Serilog (>= 2.8)
    Serilog.Settings.Configuration (3.3)
      Microsoft.Extensions.DependencyModel (>= 3.0)
      Microsoft.Extensions.Options.ConfigurationExtensions (>= 2.0)
      Serilog (>= 2.10)
    Serilog.Sinks.Console (4.0.1)
      Serilog (>= 2.10)
    Serilog.Sinks.Email (2.4)
      MailKit (>= 2.6)
      NETStandard.Library (>= 2.0.3)
      Serilog (>= 2.9)
      Serilog.Sinks.PeriodicBatching (>= 2.3)
      System.Linq (>= 4.3)
      System.Threading (>= 4.3)
    Serilog.Sinks.File (5.0)
      Serilog (>= 2.10)
    Serilog.Sinks.PeriodicBatching (3.1) - copy_content_to_output_dir: always
      Serilog (>= 2.0)
    Serilog.Sinks.Seq (5.2.2) - copy_content_to_output_dir: always
      Serilog (>= 2.12)
      Serilog.Formatting.Compact (>= 1.1)
      Serilog.Sinks.File (>= 5.0)
      Serilog.Sinks.PeriodicBatching (>= 3.1)
    SourceLink.Copy.PdbFiles (2.8.3) - copy_local: true
    SourceLink.Embed.AllSourceFiles (2.8.3) - copy_local: true
    SqlStreamStore (1.2)
      Microsoft.CSharp (>= 4.7)
    SqlStreamStore.MsSql (1.2)
      Microsoft.Data.SqlClient (>= 1.1)
      SqlStreamStore (>= 1.2)
    StackExchange.Redis (2.5.43)
      Pipelines.Sockets.Unofficial (>= 2.2.2)
      System.Diagnostics.PerformanceCounter (>= 5.0)
    Swashbuckle.AspNetCore (6.2.3)
      Microsoft.Extensions.ApiDescription.Server (>= 3.0)
      Swashbuckle.AspNetCore.Swagger (>= 6.2.3)
      Swashbuckle.AspNetCore.SwaggerGen (>= 6.2.3)
      Swashbuckle.AspNetCore.SwaggerUI (>= 6.2.3)
    Swashbuckle.AspNetCore.Annotations (6.2.3)
      Swashbuckle.AspNetCore.SwaggerGen (>= 6.2.3)
    Swashbuckle.AspNetCore.Filters (6.0.1)
      Microsoft.Extensions.DependencyInjection (>= 2.1)
      Microsoft.OpenApi (>= 1.2.2)
      Newtonsoft.Json (>= 12.0.3)
      Scrutor (>= 3.0.1)
      Swashbuckle.AspNetCore (>= 5.0)
      Swashbuckle.AspNetCore.Annotations (>= 5.0)
    Swashbuckle.AspNetCore.Newtonsoft (6.2.3)
      Microsoft.AspNetCore.Mvc.NewtonsoftJson (>= 6.0.0-rc.1.21452.15)
      Swashbuckle.AspNetCore.SwaggerGen (>= 6.2.3)
    Swashbuckle.AspNetCore.Swagger (6.2.3)
      Microsoft.OpenApi (>= 1.2.3)
    Swashbuckle.AspNetCore.SwaggerGen (6.2.3)
      Swashbuckle.AspNetCore.Swagger (>= 6.2.3)
    Swashbuckle.AspNetCore.SwaggerUI (6.2.3)
    System.Buffers (4.5.1)
    System.CodeDom (6.0)
    System.Collections (4.3)
      Microsoft.NETCore.Platforms (>= 1.1)
      Microsoft.NETCore.Targets (>= 1.1)
      System.Runtime (>= 4.3)
    System.Collections.Immutable (6.0)
      System.Runtime.CompilerServices.Unsafe (>= 6.0)
    System.ComponentModel.Annotations (5.0)
    System.Configuration.ConfigurationManager (6.0)
      System.Security.Cryptography.ProtectedData (>= 6.0)
      System.Security.Permissions (>= 6.0)
    System.Data.Common (4.3)
      System.Collections (>= 4.3)
      System.Globalization (>= 4.3)
      System.IO (>= 4.3)
      System.Resources.ResourceManager (>= 4.3)
      System.Runtime (>= 4.3)
      System.Runtime.Extensions (>= 4.3)
      System.Text.RegularExpressions (>= 4.3)
      System.Threading.Tasks (>= 4.3)
    System.Diagnostics.Debug (4.3)
      Microsoft.NETCore.Platforms (>= 1.1)
      Microsoft.NETCore.Targets (>= 1.1)
      System.Runtime (>= 4.3)
    System.Diagnostics.DiagnosticSource (6.0) - copy_content_to_output_dir: always
      System.Runtime.CompilerServices.Unsafe (>= 6.0)
    System.Diagnostics.PerformanceCounter (6.0.1)
      System.Configuration.ConfigurationManager (>= 6.0)
    System.Drawing.Common (6.0)
      Microsoft.Win32.SystemEvents (>= 6.0)
    System.Formats.Asn1 (6.0)
    System.Globalization (4.3)
      Microsoft.NETCore.Platforms (>= 1.1)
      Microsoft.NETCore.Targets (>= 1.1)
      System.Runtime (>= 4.3)
    System.IdentityModel.Tokens.Jwt (6.25.1) - copy_content_to_output_dir: always
      Microsoft.IdentityModel.JsonWebTokens (>= 6.25.1)
      Microsoft.IdentityModel.Tokens (>= 6.25.1)
    System.IO (4.3)
      Microsoft.NETCore.Platforms (>= 1.1)
      Microsoft.NETCore.Targets (>= 1.1)
      System.Runtime (>= 4.3)
      System.Text.Encoding (>= 4.3)
      System.Threading.Tasks (>= 4.3)
    System.IO.FileSystem (4.3)
      Microsoft.NETCore.Platforms (>= 1.1)
      Microsoft.NETCore.Targets (>= 1.1)
      System.IO (>= 4.3)
      System.IO.FileSystem.Primitives (>= 4.3)
      System.Runtime (>= 4.3)
      System.Runtime.Handles (>= 4.3)
      System.Text.Encoding (>= 4.3)
      System.Threading.Tasks (>= 4.3)
    System.IO.FileSystem.AccessControl (5.0) - copy_content_to_output_dir: always
      System.Security.AccessControl (>= 5.0)
      System.Security.Principal.Windows (>= 5.0)
    System.IO.FileSystem.Primitives (4.3)
      System.Runtime (>= 4.3)
    System.IO.Pipelines (6.0.3)
    System.Linq (4.3)
      System.Collections (>= 4.3)
      System.Diagnostics.Debug (>= 4.3)
      System.Resources.ResourceManager (>= 4.3)
      System.Runtime (>= 4.3)
      System.Runtime.Extensions (>= 4.3)
    System.Memory (4.5.5)
    System.Memory.Data (6.0) - copy_content_to_output_dir: always
      System.Text.Json (>= 6.0)
    System.Numerics.Vectors (4.5) - copy_content_to_output_dir: always
    System.Reactive (5.0)
    System.Reflection (4.3)
      Microsoft.NETCore.Platforms (>= 1.1)
      Microsoft.NETCore.Targets (>= 1.1)
      System.IO (>= 4.3)
      System.Reflection.Primitives (>= 4.3)
      System.Runtime (>= 4.3)
    System.Reflection.Metadata (6.0.1)
      System.Collections.Immutable (>= 6.0)
    System.Reflection.MetadataLoadContext (6.0)
      System.Collections.Immutable (>= 6.0)
      System.Reflection.Metadata (>= 6.0)
    System.Reflection.Primitives (4.3)
      Microsoft.NETCore.Platforms (>= 1.1)
      Microsoft.NETCore.Targets (>= 1.1)
      System.Runtime (>= 4.3)
    System.Resources.Extensions (6.0)
    System.Resources.ResourceManager (4.3)
      Microsoft.NETCore.Platforms (>= 1.1)
      Microsoft.NETCore.Targets (>= 1.1)
      System.Globalization (>= 4.3)
      System.Reflection (>= 4.3)
      System.Runtime (>= 4.3)
    System.Runtime (4.3.1)
      Microsoft.NETCore.Platforms (>= 1.1.1)
      Microsoft.NETCore.Targets (>= 1.1.3)
    System.Runtime.Caching (6.0) - copy_content_to_output_dir: always
      System.Configuration.ConfigurationManager (>= 6.0)
    System.Runtime.CompilerServices.Unsafe (6.0)
    System.Runtime.Extensions (4.3.1)
      Microsoft.NETCore.Platforms (>= 1.1.1)
      Microsoft.NETCore.Targets (>= 1.1.3)
      System.Runtime (>= 4.3.1)
    System.Runtime.Handles (4.3)
      Microsoft.NETCore.Platforms (>= 1.1)
      Microsoft.NETCore.Targets (>= 1.1)
      System.Runtime (>= 4.3)
    System.Runtime.InteropServices (4.3)
      Microsoft.NETCore.Platforms (>= 1.1)
      Microsoft.NETCore.Targets (>= 1.1)
      System.Reflection (>= 4.3)
      System.Reflection.Primitives (>= 4.3)
      System.Runtime (>= 4.3)
      System.Runtime.Handles (>= 4.3)
    System.Security.AccessControl (6.0)
    System.Security.Cryptography.Cng (5.0)
      System.Formats.Asn1 (>= 5.0)
    System.Security.Cryptography.Pkcs (6.0.1)
      System.Formats.Asn1 (>= 6.0)
    System.Security.Cryptography.ProtectedData (6.0)
    System.Security.Cryptography.Xml (6.0)
      System.Security.AccessControl (>= 6.0)
      System.Security.Cryptography.Pkcs (>= 6.0)
    System.Security.Permissions (6.0)
      System.Security.AccessControl (>= 6.0)
      System.Windows.Extensions (>= 6.0)
    System.Security.Principal.Windows (5.0) - copy_content_to_output_dir: always
    System.Text.Encoding (4.3) - copy_content_to_output_dir: always
      Microsoft.NETCore.Platforms (>= 1.1)
      Microsoft.NETCore.Targets (>= 1.1)
      System.Runtime (>= 4.3)
    System.Text.Encoding.CodePages (6.0)
      System.Runtime.CompilerServices.Unsafe (>= 6.0)
    System.Text.Encoding.Extensions (4.3)
      Microsoft.NETCore.Platforms (>= 1.1)
      Microsoft.NETCore.Targets (>= 1.1)
      System.Runtime (>= 4.3)
      System.Text.Encoding (>= 4.3)
    System.Text.Encodings.Web (7.0) - copy_content_to_output_dir: always
      System.Runtime.CompilerServices.Unsafe (>= 6.0)
    System.Text.Json (7.0.2) - copy_content_to_output_dir: always
      System.Runtime.CompilerServices.Unsafe (>= 6.0)
      System.Text.Encodings.Web (>= 7.0)
    System.Text.RegularExpressions (4.3.1)
      System.Runtime (>= 4.3.1)
    System.Threading (4.3)
      System.Runtime (>= 4.3)
      System.Threading.Tasks (>= 4.3)
    System.Threading.Tasks (4.3)
      Microsoft.NETCore.Platforms (>= 1.1)
      Microsoft.NETCore.Targets (>= 1.1)
      System.Runtime (>= 4.3)
    System.Threading.Tasks.Dataflow (6.0)
    System.Threading.Tasks.Extensions (4.5.4)
    System.Windows.Extensions (6.0)
      System.Drawing.Common (>= 6.0)
    System.Xml.ReaderWriter (4.3.1)
      System.Collections (>= 4.3)
      System.Diagnostics.Debug (>= 4.3)
      System.Globalization (>= 4.3)
      System.IO (>= 4.3)
      System.IO.FileSystem (>= 4.3)
      System.IO.FileSystem.Primitives (>= 4.3)
      System.Resources.ResourceManager (>= 4.3)
      System.Runtime (>= 4.3)
      System.Runtime.Extensions (>= 4.3)
      System.Runtime.InteropServices (>= 4.3)
      System.Text.Encoding (>= 4.3)
      System.Text.Encoding.Extensions (>= 4.3)
      System.Text.RegularExpressions (>= 4.3)
      System.Threading.Tasks (>= 4.3)
      System.Threading.Tasks.Extensions (>= 4.3)
    TimeZoneConverter (5.0)
    xunit (2.4.1)
      xunit.analyzers (>= 0.10)
      xunit.assert (2.4.1)
      xunit.core (2.4.1)
    xunit.abstractions (2.0.3)
    xunit.analyzers (0.10)
    xunit.assert (2.4.1)
      NETStandard.Library (>= 1.6.1)
    xunit.categories (2.0.6)
      xunit (>= 2.4.1)
    xunit.core (2.4.1)
      xunit.extensibility.core (2.4.1)
      xunit.extensibility.execution (2.4.1)
    xunit.extensibility.core (2.4.1)
      NETStandard.Library (>= 1.6.1)
      xunit.abstractions (>= 2.0.3)
    xunit.extensibility.execution (2.4.1)
      NETStandard.Library (>= 1.6.1)
      xunit.extensibility.core (2.4.1)
    xunit.runner.visualstudio (2.4.3)
