RESTRICTION: == netcoreapp3.1
NUGET
  remote: https://api.nuget.org/v3/index.json
    Autofac (6.1)
      System.Diagnostics.DiagnosticSource (>= 4.7.1)
    Autofac.Extensions.DependencyInjection (7.1)
      Autofac (>= 6.0)
      Microsoft.Extensions.DependencyInjection.Abstractions (>= 2.1)
    AutoFixture (4.14)
      Fare (>= 2.1.1 < 3.0)
      System.ComponentModel.Annotations (>= 4.3)
    AutoFixture.Xunit2 (4.14)
      AutoFixture (>= 4.14)
      xunit.extensibility.core (>= 2.2 < 3.0)
    AWSSDK.Core (3.5.1.49)
    AWSSDK.DynamoDBv2 (3.5.4.8)
      AWSSDK.Core (>= 3.5.1.49 < 3.6)
    AWSSDK.S3 (3.5.1.7)
      AWSSDK.Core (>= 3.5.1.16 < 3.6)
    Be.Vlaanderen.Basisregisters.AddressRegistry.Api.Legacy (2.24) - copy_content_to_output_dir: always
    Be.Vlaanderen.Basisregisters.AggregateSource (5.0.11)
      Be.Vlaanderen.Basisregisters.Utilities.HashCodeCalculator (>= 2.2.6)
      Be.Vlaanderen.Basisregisters.Utilities.HexByteConvertor (>= 2.2.6)
      Be.Vlaanderen.Basisregisters.Utilities.ToStringBuilder (>= 2.2.10)
      Newtonsoft.Json (>= 12.0.3)
      NodaTime (>= 3.0)
    Be.Vlaanderen.Basisregisters.AggregateSource.ExplicitRouting (5.0.11)
      Be.Vlaanderen.Basisregisters.AggregateSource (5.0.11)
    Be.Vlaanderen.Basisregisters.AggregateSource.SqlStreamStore (5.0.11)
      Be.Vlaanderen.Basisregisters.AggregateSource (5.0.11)
      Be.Vlaanderen.Basisregisters.EventHandling (>= 2.3.1)
      SqlStreamStore (>= 1.2)
    Be.Vlaanderen.Basisregisters.Api (12.1)
      Autofac (>= 5.2)
      Autofac.Extensions.DependencyInjection (>= 6.0)
      Be.Vlaanderen.Basisregisters.AggregateSource (>= 5.0.9)
      Be.Vlaanderen.Basisregisters.AspNetCore.Mvc.Formatters.Json (>= 3.0.6)
      Be.Vlaanderen.Basisregisters.AspNetCore.Mvc.Logging (>= 2.2.6)
      Be.Vlaanderen.Basisregisters.AspNetCore.Mvc.Middleware.AddCorrelationId (>= 2.3.2)
      Be.Vlaanderen.Basisregisters.AspNetCore.Mvc.Middleware.AddCorrelationIdToLogContext (>= 2.2.6)
      Be.Vlaanderen.Basisregisters.AspNetCore.Mvc.Middleware.AddCorrelationIdToResponse (>= 2.3.2)
      Be.Vlaanderen.Basisregisters.AspNetCore.Mvc.Middleware.AddHttpSecurityHeaders (>= 2.3.2)
      Be.Vlaanderen.Basisregisters.AspNetCore.Mvc.Middleware.AddRemoteIpAddress (>= 2.2.6)
      Be.Vlaanderen.Basisregisters.AspNetCore.Mvc.Middleware.AddVersionHeader (>= 2.2.6)
      Be.Vlaanderen.Basisregisters.AspNetCore.Mvc.Middleware.DefaultResponseCompressionQuality (>= 2.2.6)
      Be.Vlaanderen.Basisregisters.AspNetCore.Mvc.Middleware.EnableRequestRewind (>= 2.2.7)
      Be.Vlaanderen.Basisregisters.AspNetCore.Mvc.ModelBinding.GuidHeader (>= 2.2.6)
      Be.Vlaanderen.Basisregisters.AspNetCore.Swagger (>= 3.7.17)
      Be.Vlaanderen.Basisregisters.AspNetCore.Swagger.ReDoc (>= 3.7.17)
      Be.Vlaanderen.Basisregisters.Aws.DistributedMutex (>= 2.2.8)
      Be.Vlaanderen.Basisregisters.DataDog.Tracing (>= 4.5.4)
      Be.Vlaanderen.Basisregisters.DataDog.Tracing.AspNetCore (>= 4.5.4)
      Be.Vlaanderen.Basisregisters.DataDog.Tracing.Autofac (>= 4.5.4)
      Be.Vlaanderen.Basisregisters.DataDog.Tracing.Sql (>= 4.5.4)
      Be.Vlaanderen.Basisregisters.DataDog.Tracing.SqlStreamStore (>= 4.5.4)
      Be.Vlaanderen.Basisregisters.EventHandling.Autofac (>= 2.3.1)
      Be.Vlaanderen.Basisregisters.Generators.Guid.Deterministic (>= 2.2.6)
      Be.Vlaanderen.Basisregisters.ProblemDetails (>= 5.0.10)
      FluentValidation.AspNetCore (>= 9.2)
      Microsoft.AspNetCore.Diagnostics.EntityFrameworkCore (>= 3.1.8)
      Microsoft.AspNetCore.Mvc.NewtonsoftJson (>= 3.1.8)
      Microsoft.AspNetCore.Mvc.Versioning.ApiExplorer (>= 4.1.1)
      Microsoft.EntityFrameworkCore (>= 3.1.8)
      Microsoft.Extensions.Configuration (>= 3.1.8)
      Microsoft.Extensions.Configuration.CommandLine (>= 3.1.8)
      Microsoft.Extensions.Configuration.EnvironmentVariables (>= 3.1.8)
      Microsoft.Extensions.Configuration.FileExtensions (>= 3.1.8)
      Microsoft.Extensions.Configuration.Json (>= 3.1.8)
      Microsoft.Extensions.DependencyInjection (>= 3.1.8)
      Microsoft.Extensions.Diagnostics.HealthChecks.EntityFrameworkCore (>= 3.1.8)
      Microsoft.Extensions.Localization (>= 3.1.8)
      Microsoft.Extensions.Options.ConfigurationExtensions (>= 3.1.8)
      Microsoft.SyndicationFeed.ReaderWriter (>= 1.0.2)
      Microsoft.VisualStudio.Web.BrowserLink (>= 2.2)
      Newtonsoft.Json (>= 12.0.3)
      Polly (>= 7.2.1)
      Serilog (>= 2.10)
      Serilog.Enrichers.Environment (>= 2.1.3)
      Serilog.Enrichers.Thread (>= 3.1)
      Serilog.Extensions.Logging (>= 3.0.1)
      Serilog.Formatting.Compact (>= 1.1)
      Serilog.Settings.Configuration (>= 3.1)
      Serilog.Sinks.Console (>= 3.1.1)
      Serilog.Sinks.File (>= 4.1)
      SqlStreamStore (>= 1.2)
      SqlStreamStore.MsSql (>= 1.2)
      System.Text.Encoding.CodePages (>= 4.7.1)
    Be.Vlaanderen.Basisregisters.AspNetCore.Mvc.Formatters.Json (3.0.7)
      Be.Vlaanderen.Basisregisters.Converters.TrimString (>= 2.2.6)
      Be.Vlaanderen.Basisregisters.Utilities.Rfc3339DateTimeOffset (>= 2.2.6)
      Newtonsoft.Json (>= 12.0.3)
      NodaTime.Serialization.JsonNet (>= 3.0)
    Be.Vlaanderen.Basisregisters.AspNetCore.Mvc.Logging (2.2.7)
      Newtonsoft.Json (>= 12.0.3)
    Be.Vlaanderen.Basisregisters.AspNetCore.Mvc.Middleware.AddCorrelationId (2.3.3)
    Be.Vlaanderen.Basisregisters.AspNetCore.Mvc.Middleware.AddCorrelationIdToLogContext (2.2.7)
      Serilog (>= 2.10)
    Be.Vlaanderen.Basisregisters.AspNetCore.Mvc.Middleware.AddCorrelationIdToResponse (2.3.3)
    Be.Vlaanderen.Basisregisters.AspNetCore.Mvc.Middleware.AddHttpSecurityHeaders (2.3.3)
    Be.Vlaanderen.Basisregisters.AspNetCore.Mvc.Middleware.AddRemoteIpAddress (2.2.7)
    Be.Vlaanderen.Basisregisters.AspNetCore.Mvc.Middleware.AddVersionHeader (2.2.7)
    Be.Vlaanderen.Basisregisters.AspNetCore.Mvc.Middleware.DefaultResponseCompressionQuality (2.2.7)
    Be.Vlaanderen.Basisregisters.AspNetCore.Mvc.Middleware.EnableRequestRewind (2.2.8)
    Be.Vlaanderen.Basisregisters.AspNetCore.Mvc.ModelBinding.GuidHeader (2.2.7)
    Be.Vlaanderen.Basisregisters.AspNetCore.Swagger (3.7.19)
      Microsoft.AspNetCore.Mvc.Versioning.ApiExplorer (>= 4.1.1)
      Microsoft.Extensions.FileProviders.Embedded (>= 3.1.8)
      Microsoft.Extensions.Localization.Abstractions (>= 3.1.8)
      Microsoft.OpenApi (>= 1.2.3)
      Newtonsoft.Json (>= 12.0.3)
      NJsonSchema (>= 10.1.26)
      NJsonSchema.CodeGeneration.CSharp (>= 10.1.26)
      NJsonSchema.CodeGeneration.TypeScript (>= 10.1.26)
      NSwag.CodeGeneration.CSharp (>= 13.7.4)
      NSwag.CodeGeneration.TypeScript (>= 13.7.4)
      Swashbuckle.AspNetCore (>= 5.6.3)
      Swashbuckle.AspNetCore.Annotations (>= 5.6.3)
      Swashbuckle.AspNetCore.Filters (>= 6.0.1)
      Swashbuckle.AspNetCore.Newtonsoft (>= 5.6.3)
    Be.Vlaanderen.Basisregisters.AspNetCore.Swagger.ReDoc (3.7.19)
      Be.Vlaanderen.Basisregisters.AspNetCore.Swagger (3.7.19)
      Microsoft.AspNetCore.Mvc.Versioning.ApiExplorer (>= 4.1.1)
      Microsoft.Extensions.FileProviders.Embedded (>= 3.1.8)
      Microsoft.Extensions.Localization.Abstractions (>= 3.1.8)
      Newtonsoft.Json (>= 12.0.3)
      NSwag.CodeGeneration.CSharp (>= 13.7.4)
      NSwag.CodeGeneration.TypeScript (>= 13.7.4)
      Swashbuckle.AspNetCore (>= 5.6.3)
    Be.Vlaanderen.Basisregisters.Aws.DistributedMutex (2.2.9)
      AWSSDK.DynamoDBv2 (>= 3.5.0.17)
      Microsoft.Extensions.Logging (>= 3.1.8)
    Be.Vlaanderen.Basisregisters.Build.Pipeline (4.2.4)
      Fake.Core.Environment (>= 5.20.2)
      Fake.Core.Process (>= 5.20.2)
      Fake.Core.Target (>= 5.20.2)
      Fake.DotNet.AssemblyInfoFile (>= 5.20.2)
      Fake.DotNet.Cli (>= 5.20.2)
      Fake.DotNet.Paket (>= 5.20.2)
      Fake.IO.FileSystem (>= 5.20.2)
      Fake.JavaScript.Npm (>= 5.20.2)
      Newtonsoft.Json (>= 12.0.3)
    Be.Vlaanderen.Basisregisters.BuildingRegistry.Api.Legacy (2.24.2) - copy_content_to_output_dir: always
    Be.Vlaanderen.Basisregisters.CommandHandling (5.0.11)
    Be.Vlaanderen.Basisregisters.CommandHandling.Idempotency (5.0.11)
      Autofac.Extensions.DependencyInjection (>= 6.0)
      Be.Vlaanderen.Basisregisters.Converters.Timestamp (>= 2.2.9)
      Microsoft.Data.SqlClient (>= 2.0.1)
      Microsoft.EntityFrameworkCore.SqlServer (>= 3.1.8)
      Microsoft.Extensions.Configuration (>= 3.1.8)
      Microsoft.Extensions.Options.ConfigurationExtensions (>= 3.1.8)
      Newtonsoft.Json (>= 12.0.3)
    Be.Vlaanderen.Basisregisters.Converters.Timestamp (2.2.10)
      Newtonsoft.Json (>= 12.0.3)
    Be.Vlaanderen.Basisregisters.Converters.TrimString (2.2.7)
      Newtonsoft.Json (>= 12.0.3)
    Be.Vlaanderen.Basisregisters.Crab (2.2.3)
      Be.Vlaanderen.Basisregisters.AggregateSource (>= 5.0.9)
      Be.Vlaanderen.Basisregisters.Generators.Guid.Deterministic (>= 2.2.6)
      GeoJSON.Net (>= 1.2.19)
      Microsoft.Extensions.Logging.Abstractions (>= 3.1.8)
      NodaTime (>= 3.0)
    Be.Vlaanderen.Basisregisters.DataDog.Tracing (4.5.4)
      Microsoft.Extensions.Logging.Abstractions (>= 3.1.8)
      Newtonsoft.Json (>= 12.0.3)
      System.Reactive (>= 4.4.1)
      System.Reflection (>= 4.3)
      System.Threading.Tasks.Dataflow (>= 4.11.1)
    Be.Vlaanderen.Basisregisters.DataDog.Tracing.AspNetCore (4.5.4)
      Be.Vlaanderen.Basisregisters.DataDog.Tracing (4.5.4)
      Serilog (>= 2.10)
    Be.Vlaanderen.Basisregisters.DataDog.Tracing.Autofac (4.5.4)
      Autofac.Extensions.DependencyInjection (>= 6.0)
      Be.Vlaanderen.Basisregisters.DataDog.Tracing (4.5.4)
      Microsoft.Extensions.Configuration (>= 3.1.8)
    Be.Vlaanderen.Basisregisters.DataDog.Tracing.Sql (4.5.4)
      Be.Vlaanderen.Basisregisters.DataDog.Tracing (4.5.4)
      System.Data.Common (>= 4.3)
    Be.Vlaanderen.Basisregisters.DataDog.Tracing.SqlStreamStore (4.5.4)
      Autofac (>= 5.2)
      Be.Vlaanderen.Basisregisters.DataDog.Tracing (4.5.4)
      SqlStreamStore.MsSql (>= 1.2)
      System.Data.Common (>= 4.3)
    Be.Vlaanderen.Basisregisters.EntityFrameworkCore.EntityTypeConfiguration (2.2.7)
      Microsoft.EntityFrameworkCore (>= 3.1.8)
    Be.Vlaanderen.Basisregisters.EventHandling (3.0.2)
      Be.Vlaanderen.Basisregisters.Converters.TrimString (>= 2.2.6)
      Newtonsoft.Json (>= 12.0.3)
      NodaTime.Serialization.JsonNet (>= 3.0)
    Be.Vlaanderen.Basisregisters.EventHandling.Autofac (3.0.2)
      Autofac.Extensions.DependencyInjection (>= 6.0)
      Be.Vlaanderen.Basisregisters.EventHandling (3.0.2)
    Be.Vlaanderen.Basisregisters.Generators.Guid.Deterministic (2.2.7)
    Be.Vlaanderen.Basisregisters.GrAr.Common (16.4)
      Be.Vlaanderen.Basisregisters.AggregateSource (>= 5.0.11)
      NodaTime (>= 3.0)
    Be.Vlaanderen.Basisregisters.GrAr.Import (16.4)
      Autofac (>= 5.2)
      Be.Vlaanderen.Basisregisters.AggregateSource.SqlStreamStore (>= 5.0.11)
      Be.Vlaanderen.Basisregisters.CommandHandling (>= 5.0.11)
      Be.Vlaanderen.Basisregisters.CommandHandling.Idempotency (>= 5.0.11)
      Be.Vlaanderen.Basisregisters.Crab (>= 2.2.2)
      Be.Vlaanderen.Basisregisters.EventHandling (>= 2.3.1)
      Be.Vlaanderen.Basisregisters.Generators.Guid.Deterministic (>= 2.2.6)
      CommandLineParser (>= 2.8)
      Microsoft.Extensions.Configuration.Json (>= 3.1.8)
      Microsoft.Extensions.Logging (>= 3.1.8)
      Newtonsoft.Json (>= 12.0.3)
      Serilog (>= 2.10)
      Serilog.Extensions.Logging (>= 3.0.1)
      Serilog.Sinks.Email (>= 2.4)
      System.Threading.Tasks.Dataflow (>= 4.11.1)
    Be.Vlaanderen.Basisregisters.GrAr.Legacy (16.4)
      Be.Vlaanderen.Basisregisters.Utilities.Rfc3339DateTimeOffset (>= 2.2.6)
      Newtonsoft.Json (>= 12.0.3)
    Be.Vlaanderen.Basisregisters.GrAr.Provenance (16.4)
      Be.Vlaanderen.Basisregisters.CommandHandling (>= 5.0.11)
      Be.Vlaanderen.Basisregisters.Crab (>= 2.2.2)
      Be.Vlaanderen.Basisregisters.GrAr.Common (16.4)
      Microsoft.CSharp (>= 4.7)
    Be.Vlaanderen.Basisregisters.MunicipalityRegistry.Api.Legacy (3.11.6) - copy_content_to_output_dir: always
      Be.Vlaanderen.Basisregisters.GrAr.Legacy (>= 16.3)
    Be.Vlaanderen.Basisregisters.ParcelRegistry.Api.Legacy (3.17.4) - copy_content_to_output_dir: always
      Be.Vlaanderen.Basisregisters.GrAr.Legacy (>= 16.3)
    Be.Vlaanderen.Basisregisters.PostalRegistry.Api.Legacy (2.13.5) - copy_content_to_output_dir: always
    Be.Vlaanderen.Basisregisters.ProblemDetails (5.0.10)
      System.Reflection.Metadata (>= 1.8.1)
    Be.Vlaanderen.Basisregisters.ProjectionHandling.Connector (7.0.3)
      Microsoft.EntityFrameworkCore (>= 3.1.8)
    Be.Vlaanderen.Basisregisters.ProjectionHandling.Runner (7.0.3)
      Autofac.Extensions.DependencyInjection (>= 6.0)
      Be.Vlaanderen.Basisregisters.EntityFrameworkCore.EntityTypeConfiguration (>= 2.2.6)
      Be.Vlaanderen.Basisregisters.ProjectionHandling.Connector (7.0.3)
      Be.Vlaanderen.Basisregisters.ProjectionHandling.SqlStreamStore (7.0.3)
      Microsoft.EntityFrameworkCore.InMemory (>= 3.1.8)
      Microsoft.EntityFrameworkCore.SqlServer (>= 3.1.8)
      Microsoft.Extensions.Configuration (>= 3.1.8)
      Microsoft.Extensions.Configuration.CommandLine (>= 3.1.8)
      Microsoft.Extensions.Configuration.EnvironmentVariables (>= 3.1.8)
      Microsoft.Extensions.Configuration.FileExtensions (>= 3.1.8)
      Microsoft.Extensions.Configuration.Json (>= 3.1.8)
      SqlStreamStore (>= 1.2)
    Be.Vlaanderen.Basisregisters.ProjectionHandling.SqlStreamStore (7.0.3)
      Be.Vlaanderen.Basisregisters.EventHandling (>= 2.3.1)
      SqlStreamStore (>= 1.2)
    Be.Vlaanderen.Basisregisters.PublicServiceRegistry.Api.Backoffice (2.1.1) - copy_content_to_output_dir: always
    Be.Vlaanderen.Basisregisters.StreetNameRegistry.Api.Legacy (2.15.4) - copy_content_to_output_dir: always
      Be.Vlaanderen.Basisregisters.GrAr.Legacy (>= 16.3.2)
    Be.Vlaanderen.Basisregisters.Utilities.HashCodeCalculator (2.2.7)
    Be.Vlaanderen.Basisregisters.Utilities.HexByteConvertor (2.2.7)
    Be.Vlaanderen.Basisregisters.Utilities.Rfc3339DateTimeOffset (2.2.7)
      Newtonsoft.Json (>= 12.0.3)
    Be.Vlaanderen.Basisregisters.Utilities.ToStringBuilder (2.2.11)
    BlackFox.VsWhere (1.1)
      FSharp.Core (>= 4.2.3)
      Microsoft.Win32.Registry (>= 4.7)
    CommandLineParser (2.8)
    DotLiquid (2.0.366)
    Fake.Core.CommandLineParsing (5.20.3)
      FParsec (>= 1.1.1)
      FSharp.Core (>= 4.7.2)
    Fake.Core.Context (5.20.3)
      FSharp.Core (>= 4.7.2)
    Fake.Core.Environment (5.20.3)
      FSharp.Core (>= 4.7.2)
    Fake.Core.FakeVar (5.20.3)
      Fake.Core.Context (>= 5.20.3)
      FSharp.Core (>= 4.7.2)
    Fake.Core.Process (5.20.3)
      Fake.Core.Environment (>= 5.20.3)
      Fake.Core.FakeVar (>= 5.20.3)
      Fake.Core.String (>= 5.20.3)
      Fake.Core.Trace (>= 5.20.3)
      Fake.IO.FileSystem (>= 5.20.3)
      FSharp.Core (>= 4.7.2)
      System.Collections.Immutable (>= 1.7.1)
    Fake.Core.SemVer (5.20.3)
      FSharp.Core (>= 4.7.2)
    Fake.Core.String (5.20.3)
      FSharp.Core (>= 4.7.2)
    Fake.Core.Target (5.20.3)
      Fake.Core.CommandLineParsing (>= 5.20.3)
      Fake.Core.Context (>= 5.20.3)
      Fake.Core.Environment (>= 5.20.3)
      Fake.Core.FakeVar (>= 5.20.3)
      Fake.Core.Process (>= 5.20.3)
      Fake.Core.String (>= 5.20.3)
      Fake.Core.Trace (>= 5.20.3)
      FSharp.Control.Reactive (>= 4.4.2)
      FSharp.Core (>= 4.7.2)
    Fake.Core.Tasks (5.20.3)
      Fake.Core.Trace (>= 5.20.3)
      FSharp.Core (>= 4.7.2)
    Fake.Core.Trace (5.20.3)
      Fake.Core.Environment (>= 5.20.3)
      Fake.Core.FakeVar (>= 5.20.3)
      FSharp.Core (>= 4.7.2)
    Fake.Core.Xml (5.20.3)
      Fake.Core.String (>= 5.20.3)
      FSharp.Core (>= 4.7.2)
    Fake.DotNet.AssemblyInfoFile (5.20.3)
      Fake.Core.Environment (>= 5.20.3)
      Fake.Core.String (>= 5.20.3)
      Fake.Core.Trace (>= 5.20.3)
      Fake.IO.FileSystem (>= 5.20.3)
      FSharp.Core (>= 4.7.2)
    Fake.DotNet.Cli (5.20.3)
      Fake.Core.Environment (>= 5.20.3)
      Fake.Core.Process (>= 5.20.3)
      Fake.Core.String (>= 5.20.3)
      Fake.Core.Trace (>= 5.20.3)
      Fake.DotNet.MSBuild (>= 5.20.3)
      Fake.DotNet.NuGet (>= 5.20.3)
      Fake.IO.FileSystem (>= 5.20.3)
      FSharp.Core (>= 4.7.2)
      Mono.Posix.NETStandard (>= 1.0)
      Newtonsoft.Json (>= 12.0.3)
    Fake.DotNet.MSBuild (5.20.3)
      BlackFox.VsWhere (>= 1.1)
      Fake.Core.Environment (>= 5.20.3)
      Fake.Core.Process (>= 5.20.3)
      Fake.Core.String (>= 5.20.3)
      Fake.Core.Trace (>= 5.20.3)
      Fake.IO.FileSystem (>= 5.20.3)
      FSharp.Core (>= 4.7.2)
      MSBuild.StructuredLogger (>= 2.1.176)
    Fake.DotNet.NuGet (5.20.3)
      Fake.Core.Environment (>= 5.20.3)
      Fake.Core.Process (>= 5.20.3)
      Fake.Core.SemVer (>= 5.20.3)
      Fake.Core.String (>= 5.20.3)
      Fake.Core.Tasks (>= 5.20.3)
      Fake.Core.Trace (>= 5.20.3)
      Fake.Core.Xml (>= 5.20.3)
      Fake.IO.FileSystem (>= 5.20.3)
      Fake.Net.Http (>= 5.20.3)
      FSharp.Core (>= 4.7.2)
      Newtonsoft.Json (>= 12.0.3)
      NuGet.Protocol (>= 5.6)
    Fake.DotNet.Paket (5.20.3)
      Fake.Core.Process (>= 5.20.3)
      Fake.Core.String (>= 5.20.3)
      Fake.Core.Trace (>= 5.20.3)
      Fake.DotNet.Cli (>= 5.20.3)
      Fake.IO.FileSystem (>= 5.20.3)
      FSharp.Core (>= 4.7.2)
    Fake.IO.FileSystem (5.20.3)
      Fake.Core.String (>= 5.20.3)
      FSharp.Core (>= 4.7.2)
    Fake.JavaScript.Npm (5.20.3)
      Fake.Core.Environment (>= 5.20.3)
      Fake.Core.Process (>= 5.20.3)
      Fake.IO.FileSystem (>= 5.20.3)
      Fake.Testing.Common (>= 5.20.3)
      FSharp.Core (>= 4.7.2)
    Fake.Net.Http (5.20.3)
      Fake.Core.Trace (>= 5.20.3)
      FSharp.Core (>= 4.7.2)
    Fake.Testing.Common (5.20.3)
      Fake.Core.Trace (>= 5.20.3)
      FSharp.Core (>= 4.7.2)
    Fare (2.1.2)
      NETStandard.Library (>= 1.6.1)
    FluentAssertions (5.10.3)
      System.Configuration.ConfigurationManager (>= 4.4)
    FluentValidation (9.3)
    FluentValidation.AspNetCore (9.3)
      FluentValidation (>= 9.3)
      FluentValidation.DependencyInjectionExtensions (>= 9.3)
    FluentValidation.DependencyInjectionExtensions (9.3)
      FluentValidation (>= 9.3)
      Microsoft.Extensions.DependencyInjection.Abstractions (>= 2.1)
    FParsec (1.1.1)
      FSharp.Core (>= 4.3.4)
    FSharp.Control.Reactive (4.5)
      FSharp.Core (>= 4.7.2)
      System.Reactive (>= 4.4.1)
    FSharp.Core (5.0)
    GeoJSON.Net (1.2.19)
      Newtonsoft.Json (>= 10.0.2)
    IdentityModel (4.4)
      Newtonsoft.Json (>= 11.0.2)
      System.Text.Encodings.Web (>= 4.7)
    MailKit (2.10)
      MimeKit (>= 2.10)
    Marvin.Cache.Headers (5.0.1)
      Microsoft.AspNetCore.Http (>= 2.2.2)
      Microsoft.AspNetCore.Http.Abstractions (>= 2.2)
      Microsoft.AspNetCore.Mvc.Abstractions (>= 2.2)
      Microsoft.Extensions.DependencyInjection.Abstractions (>= 2.2)
      Microsoft.Extensions.Logging.Abstractions (>= 2.2)
      Microsoft.Extensions.Options (>= 2.2)
      Microsoft.Net.Http.Headers (>= 2.2)
    Microsoft.AspNetCore.Diagnostics.EntityFrameworkCore (5.0.1)
    Microsoft.AspNetCore.Hosting.Abstractions (2.2)
      Microsoft.AspNetCore.Hosting.Server.Abstractions (>= 2.2)
      Microsoft.AspNetCore.Http.Abstractions (>= 2.2)
      Microsoft.Extensions.Hosting.Abstractions (>= 2.2)
    Microsoft.AspNetCore.Hosting.Server.Abstractions (2.2)
      Microsoft.AspNetCore.Http.Features (>= 2.2)
      Microsoft.Extensions.Configuration.Abstractions (>= 2.2)
    Microsoft.AspNetCore.Http (2.2.2)
      Microsoft.AspNetCore.Http.Abstractions (>= 2.2)
      Microsoft.AspNetCore.WebUtilities (>= 2.2)
      Microsoft.Extensions.ObjectPool (>= 2.2)
      Microsoft.Extensions.Options (>= 2.2)
      Microsoft.Net.Http.Headers (>= 2.2)
    Microsoft.AspNetCore.Http.Abstractions (2.2)
      Microsoft.AspNetCore.Http.Features (>= 2.2)
      System.Text.Encodings.Web (>= 4.5)
    Microsoft.AspNetCore.Http.Extensions (2.2)
      Microsoft.AspNetCore.Http.Abstractions (>= 2.2)
      Microsoft.Extensions.FileProviders.Abstractions (>= 2.2)
      Microsoft.Net.Http.Headers (>= 2.2)
      System.Buffers (>= 4.5)
    Microsoft.AspNetCore.Http.Features (5.0.1)
      Microsoft.Extensions.Primitives (>= 5.0)
      System.IO.Pipelines (>= 5.0.1)
    Microsoft.AspNetCore.Mvc.Abstractions (2.2)
      Microsoft.AspNetCore.Routing.Abstractions (>= 2.2)
      Microsoft.Net.Http.Headers (>= 2.2)
    Microsoft.AspNetCore.Mvc.NewtonsoftJson (5.0.1)
    Microsoft.AspNetCore.Mvc.Versioning (4.2)
    Microsoft.AspNetCore.Mvc.Versioning.ApiExplorer (4.2)
      Microsoft.AspNetCore.Mvc.Versioning (>= 4.2)
    Microsoft.AspNetCore.Routing.Abstractions (2.2)
      Microsoft.AspNetCore.Http.Abstractions (>= 2.2)
    Microsoft.AspNetCore.WebUtilities (2.2)
      Microsoft.Net.Http.Headers (>= 2.2)
      System.Text.Encodings.Web (>= 4.5)
    Microsoft.Bcl.AsyncInterfaces (5.0)
    Microsoft.Build (16.8)
      Microsoft.Build.Framework (>= 16.8)
      Microsoft.Win32.Registry (>= 4.3)
      System.Collections.Immutable (>= 1.5)
      System.Memory (>= 4.5.3)
      System.Reflection.Metadata (>= 1.6)
      System.Security.Principal.Windows (>= 4.7)
      System.Text.Encoding.CodePages (>= 4.0.1)
      System.Text.Json (>= 4.7)
      System.Threading.Tasks.Dataflow (>= 4.9)
    Microsoft.Build.Framework (16.8)
      System.Security.Permissions (>= 4.7)
    Microsoft.Build.Tasks.Core (16.8)
      Microsoft.Build.Framework (>= 16.8)
      Microsoft.Build.Utilities.Core (>= 16.8)
      Microsoft.Win32.Registry (>= 4.3)
      System.CodeDom (>= 4.4)
      System.Collections.Immutable (>= 1.5)
      System.Reflection.Metadata (>= 1.6)
      System.Reflection.TypeExtensions (>= 4.1)
      System.Resources.Extensions (>= 4.6)
      System.Runtime.InteropServices (>= 4.3)
      System.Security.Cryptography.Pkcs (>= 4.7)
      System.Security.Cryptography.Xml (>= 4.7)
      System.Security.Permissions (>= 4.7)
      System.Threading.Tasks.Dataflow (>= 4.9)
    Microsoft.Build.Utilities.Core (16.8)
      Microsoft.Build.Framework (>= 16.8)
      Microsoft.Win32.Registry (>= 4.3)
      System.Collections.Immutable (>= 1.5)
      System.Security.Permissions (>= 4.7)
      System.Text.Encoding.CodePages (>= 4.0.1)
    Microsoft.CodeCoverage (16.8.3)
    Microsoft.CSharp (4.7)
    Microsoft.Data.SqlClient (2.1)
      Microsoft.Data.SqlClient.SNI.runtime (>= 2.1.1)
      Microsoft.Identity.Client (>= 4.21.1)
      Microsoft.IdentityModel.JsonWebTokens (>= 6.8)
      Microsoft.IdentityModel.Protocols.OpenIdConnect (>= 6.8)
      Microsoft.Win32.Registry (>= 4.7)
      System.Configuration.ConfigurationManager (>= 4.7)
      System.Diagnostics.DiagnosticSource (>= 4.7)
      System.Runtime.Caching (>= 4.7)
      System.Security.Principal.Windows (>= 4.7)
      System.Text.Encoding.CodePages (>= 4.7)
    Microsoft.Data.SqlClient.SNI.runtime (2.1.1)
    Microsoft.EntityFrameworkCore (5.0.1)
      Microsoft.EntityFrameworkCore.Abstractions (>= 5.0.1)
      Microsoft.EntityFrameworkCore.Analyzers (>= 5.0.1)
      Microsoft.Extensions.Caching.Memory (>= 5.0)
      Microsoft.Extensions.DependencyInjection (>= 5.0.1)
      Microsoft.Extensions.Logging (>= 5.0)
      System.Collections.Immutable (>= 5.0)
      System.ComponentModel.Annotations (>= 5.0)
      System.Diagnostics.DiagnosticSource (>= 5.0)
    Microsoft.EntityFrameworkCore.Abstractions (5.0.1)
    Microsoft.EntityFrameworkCore.Analyzers (5.0.1)
    Microsoft.EntityFrameworkCore.InMemory (3.1.8)
      Microsoft.EntityFrameworkCore (>= 3.1.8)
    Microsoft.EntityFrameworkCore.Relational (5.0.1)
      Microsoft.EntityFrameworkCore (>= 5.0.1)
      Microsoft.Extensions.Configuration.Abstractions (>= 5.0)
    Microsoft.EntityFrameworkCore.SqlServer (5.0.1)
      Microsoft.Data.SqlClient (>= 2.0.1)
      Microsoft.EntityFrameworkCore.Relational (>= 5.0.1)
    Microsoft.Extensions.ApiDescription.Server (5.0.1)
    Microsoft.Extensions.Caching.Abstractions (5.0)
      Microsoft.Extensions.Primitives (>= 5.0)
    Microsoft.Extensions.Caching.Memory (5.0)
      Microsoft.Extensions.Caching.Abstractions (>= 5.0)
      Microsoft.Extensions.DependencyInjection.Abstractions (>= 5.0)
      Microsoft.Extensions.Logging.Abstractions (>= 5.0)
      Microsoft.Extensions.Options (>= 5.0)
      Microsoft.Extensions.Primitives (>= 5.0)
    Microsoft.Extensions.Configuration (5.0)
      Microsoft.Extensions.Configuration.Abstractions (>= 5.0)
      Microsoft.Extensions.Primitives (>= 5.0)
    Microsoft.Extensions.Configuration.Abstractions (5.0)
      Microsoft.Extensions.Primitives (>= 5.0)
    Microsoft.Extensions.Configuration.Binder (5.0)
      Microsoft.Extensions.Configuration.Abstractions (>= 5.0)
    Microsoft.Extensions.Configuration.CommandLine (5.0)
      Microsoft.Extensions.Configuration (>= 5.0)
      Microsoft.Extensions.Configuration.Abstractions (>= 5.0)
    Microsoft.Extensions.Configuration.EnvironmentVariables (5.0)
      Microsoft.Extensions.Configuration (>= 5.0)
      Microsoft.Extensions.Configuration.Abstractions (>= 5.0)
    Microsoft.Extensions.Configuration.FileExtensions (5.0)
      Microsoft.Extensions.Configuration (>= 5.0)
      Microsoft.Extensions.Configuration.Abstractions (>= 5.0)
      Microsoft.Extensions.FileProviders.Abstractions (>= 5.0)
      Microsoft.Extensions.FileProviders.Physical (>= 5.0)
      Microsoft.Extensions.Primitives (>= 5.0)
    Microsoft.Extensions.Configuration.Json (5.0)
      Microsoft.Extensions.Configuration (>= 5.0)
      Microsoft.Extensions.Configuration.Abstractions (>= 5.0)
      Microsoft.Extensions.Configuration.FileExtensions (>= 5.0)
      Microsoft.Extensions.FileProviders.Abstractions (>= 5.0)
      System.Text.Json (>= 5.0)
    Microsoft.Extensions.DependencyInjection (5.0.1)
      Microsoft.Extensions.DependencyInjection.Abstractions (>= 5.0)
    Microsoft.Extensions.DependencyInjection.Abstractions (5.0)
    Microsoft.Extensions.DependencyModel (5.0)
      System.Text.Encodings.Web (>= 5.0)
      System.Text.Json (>= 5.0)
    Microsoft.Extensions.Diagnostics.HealthChecks (5.0.1)
      Microsoft.Extensions.Diagnostics.HealthChecks.Abstractions (>= 5.0.1)
      Microsoft.Extensions.Hosting.Abstractions (>= 5.0)
      Microsoft.Extensions.Logging.Abstractions (>= 5.0)
      Microsoft.Extensions.Options (>= 5.0)
    Microsoft.Extensions.Diagnostics.HealthChecks.Abstractions (5.0.1)
    Microsoft.Extensions.Diagnostics.HealthChecks.EntityFrameworkCore (5.0.1)
      Microsoft.EntityFrameworkCore.Relational (>= 5.0.1)
      Microsoft.Extensions.Diagnostics.HealthChecks (>= 5.0.1)
      Microsoft.Extensions.Diagnostics.HealthChecks.Abstractions (>= 5.0.1)
    Microsoft.Extensions.FileProviders.Abstractions (5.0)
      Microsoft.Extensions.Primitives (>= 5.0)
    Microsoft.Extensions.FileProviders.Embedded (5.0.1)
      Microsoft.Extensions.FileProviders.Abstractions (>= 5.0)
    Microsoft.Extensions.FileProviders.Physical (5.0)
      Microsoft.Extensions.FileProviders.Abstractions (>= 5.0)
      Microsoft.Extensions.FileSystemGlobbing (>= 5.0)
      Microsoft.Extensions.Primitives (>= 5.0)
    Microsoft.Extensions.FileSystemGlobbing (5.0)
    Microsoft.Extensions.Hosting.Abstractions (5.0)
      Microsoft.Extensions.Configuration.Abstractions (>= 5.0)
      Microsoft.Extensions.DependencyInjection.Abstractions (>= 5.0)
      Microsoft.Extensions.FileProviders.Abstractions (>= 5.0)
    Microsoft.Extensions.Localization (5.0.1)
      Microsoft.Extensions.DependencyInjection.Abstractions (>= 5.0)
      Microsoft.Extensions.Localization.Abstractions (>= 5.0.1)
      Microsoft.Extensions.Logging.Abstractions (>= 5.0)
      Microsoft.Extensions.Options (>= 5.0)
    Microsoft.Extensions.Localization.Abstractions (5.0.1)
    Microsoft.Extensions.Logging (5.0)
      Microsoft.Extensions.DependencyInjection (>= 5.0)
      Microsoft.Extensions.DependencyInjection.Abstractions (>= 5.0)
      Microsoft.Extensions.Logging.Abstractions (>= 5.0)
      Microsoft.Extensions.Options (>= 5.0)
      System.Diagnostics.DiagnosticSource (>= 5.0)
    Microsoft.Extensions.Logging.Abstractions (5.0)
    Microsoft.Extensions.ObjectPool (5.0.1)
    Microsoft.Extensions.Options (5.0)
      Microsoft.Extensions.DependencyInjection.Abstractions (>= 5.0)
      Microsoft.Extensions.Primitives (>= 5.0)
    Microsoft.Extensions.Options.ConfigurationExtensions (5.0)
      Microsoft.Extensions.Configuration.Abstractions (>= 5.0)
      Microsoft.Extensions.Configuration.Binder (>= 5.0)
      Microsoft.Extensions.DependencyInjection.Abstractions (>= 5.0)
      Microsoft.Extensions.Options (>= 5.0)
      Microsoft.Extensions.Primitives (>= 5.0)
    Microsoft.Extensions.Primitives (5.0)
    Microsoft.Identity.Client (4.24)
    Microsoft.IdentityModel.JsonWebTokens (6.8)
      Microsoft.IdentityModel.Tokens (>= 6.8)
    Microsoft.IdentityModel.Logging (6.8)
    Microsoft.IdentityModel.Protocols (6.8)
      Microsoft.IdentityModel.Logging (>= 6.8)
      Microsoft.IdentityModel.Tokens (>= 6.8)
    Microsoft.IdentityModel.Protocols.OpenIdConnect (6.8)
      Microsoft.IdentityModel.Protocols (>= 6.8)
      System.IdentityModel.Tokens.Jwt (>= 6.8)
    Microsoft.IdentityModel.Tokens (6.8)
      Microsoft.CSharp (>= 4.5)
      Microsoft.IdentityModel.Logging (>= 6.8)
      System.Security.Cryptography.Cng (>= 4.5)
    Microsoft.Net.Http.Headers (2.2.8)
      Microsoft.Extensions.Primitives (>= 2.2)
      System.Buffers (>= 4.5)
    Microsoft.NET.Test.Sdk (16.7.1)
      Microsoft.CodeCoverage (>= 16.7.1)
      Microsoft.TestPlatform.TestHost (>= 16.7.1)
    Microsoft.NETCore.Platforms (5.0)
    Microsoft.NETCore.Targets (5.0)
    Microsoft.OpenApi (1.2.3)
    Microsoft.SyndicationFeed.ReaderWriter (1.0.2)
      System.Globalization (>= 4.3)
      System.Linq (>= 4.3)
      System.Runtime.Extensions (>= 4.3)
      System.Xml.ReaderWriter (>= 4.3)
    Microsoft.TestPlatform.ObjectModel (16.8.3)
      NuGet.Frameworks (>= 5.0)
      System.Reflection.Metadata (>= 1.6)
      System.Runtime.InteropServices.RuntimeInformation (>= 4.0)
    Microsoft.TestPlatform.TestHost (16.8.3)
      Microsoft.TestPlatform.ObjectModel (>= 16.8.3)
      Newtonsoft.Json (>= 9.0.1)
    Microsoft.VisualStudio.Web.BrowserLink (2.2)
      Microsoft.AspNetCore.Hosting.Abstractions (>= 2.2)
      Microsoft.AspNetCore.Http.Abstractions (>= 2.2)
      Microsoft.AspNetCore.Http.Extensions (>= 2.2)
      Microsoft.Extensions.FileProviders.Physical (>= 2.2)
    Microsoft.Win32.Registry (5.0)
      System.Security.AccessControl (>= 5.0)
      System.Security.Principal.Windows (>= 5.0)
    Microsoft.Win32.SystemEvents (5.0)
      Microsoft.NETCore.Platforms (>= 5.0)
    MimeKit (2.10.1)
      Portable.BouncyCastle (>= 1.8.8)
      System.Buffers (>= 4.5.1)
      System.Reflection.TypeExtensions (>= 4.4)
      System.Security.Cryptography.Pkcs (>= 4.7)
      System.Text.Encoding.CodePages (>= 4.4)
    Mono.Posix.NETStandard (1.0)
    MSBuild.StructuredLogger (2.1.215)
      Microsoft.Build (>= 16.4)
      Microsoft.Build.Framework (>= 16.4)
      Microsoft.Build.Tasks.Core (>= 16.4)
      Microsoft.Build.Utilities.Core (>= 16.4)
    Namotion.Reflection (1.0.14)
      Microsoft.CSharp (>= 4.3)
    NETStandard.Library (2.0.3)
      Microsoft.NETCore.Platforms (>= 1.1)
    NetTopologySuite (2.1)
      System.Memory (>= 4.5.3)
    Newtonsoft.Json (12.0.3)
    NJsonSchema (10.3.1)
      Namotion.Reflection (>= 1.0.14)
      Newtonsoft.Json (>= 9.0.1)
    NJsonSchema.CodeGeneration (10.3.1)
      DotLiquid (>= 2.0.314)
      Newtonsoft.Json (>= 9.0.1)
      NJsonSchema (>= 10.3.1)
    NJsonSchema.CodeGeneration.CSharp (10.3.1)
      Newtonsoft.Json (>= 9.0.1)
      NJsonSchema (>= 10.3.1)
      NJsonSchema.CodeGeneration (>= 10.3.1)
    NJsonSchema.CodeGeneration.TypeScript (10.3.1)
      Microsoft.CSharp (>= 4.3)
      Newtonsoft.Json (>= 9.0.1)
      NJsonSchema (>= 10.3.1)
      NJsonSchema.CodeGeneration (>= 10.3.1)
    NodaTime (3.0.3)
      System.Runtime.CompilerServices.Unsafe (>= 4.7.1)
    NodaTime.Serialization.JsonNet (3.0)
      Newtonsoft.Json (>= 12.0.1)
      NodaTime (>= 3.0 < 4.0)
    NSwag.CodeGeneration (13.9.4)
      Newtonsoft.Json (>= 9.0.1)
      NJsonSchema (>= 10.3.1)
      NJsonSchema.CodeGeneration (>= 10.3.1)
      NSwag.Core (>= 13.9.4)
    NSwag.CodeGeneration.CSharp (13.9.4)
      NJsonSchema.CodeGeneration.CSharp (>= 10.3.1)
      NSwag.CodeGeneration (>= 13.9.4)
    NSwag.CodeGeneration.TypeScript (13.9.4)
      NJsonSchema.CodeGeneration.TypeScript (>= 10.3.1)
      NSwag.CodeGeneration (>= 13.9.4)
    NSwag.Core (13.9.4)
      Newtonsoft.Json (>= 9.0.1)
      NJsonSchema (>= 10.3.1)
    NuGet.Common (5.8)
      NuGet.Frameworks (>= 5.8)
    NuGet.Configuration (5.8)
      NuGet.Common (>= 5.8)
      System.Security.Cryptography.ProtectedData (>= 4.4)
    NuGet.Frameworks (5.8)
    NuGet.Packaging (5.6)
      Newtonsoft.Json (>= 9.0.1)
      NuGet.Configuration (>= 5.6)
      NuGet.Versioning (>= 5.6)
      System.Dynamic.Runtime (>= 4.3)
    NuGet.Protocol (5.6)
      NuGet.Packaging (>= 5.6)
      System.Dynamic.Runtime (>= 4.3)
    NuGet.Versioning (5.8)
    Pipelines.Sockets.Unofficial (2.2)
      System.IO.Pipelines (>= 5.0)
    Polly (7.2.1)
    Portable.BouncyCastle (1.8.8)
    RestSharp (106.11.5)
    runtime.native.System (4.3.1)
      Microsoft.NETCore.Platforms (>= 1.1.1)
      Microsoft.NETCore.Targets (>= 1.1.3)
    Scrutor (3.3)
      Microsoft.Extensions.DependencyInjection.Abstractions (>= 3.1.9)
      Microsoft.Extensions.DependencyModel (>= 3.1.6)
    Serilog (2.10)
    Serilog.Enrichers.Environment (2.1.3)
      NETStandard.Library (>= 1.6.1)
      Serilog (>= 2.3)
    Serilog.Enrichers.Thread (3.1)
      Serilog (>= 2.3)
    Serilog.Extensions.Logging (3.0.1)
      Microsoft.Extensions.Logging (>= 2.0)
      Serilog (>= 2.8)
    Serilog.Formatting.Compact (1.1)
      Serilog (>= 2.8)
    Serilog.Settings.Configuration (3.1)
      Microsoft.Extensions.DependencyModel (>= 2.0.4)
      Microsoft.Extensions.Options.ConfigurationExtensions (>= 2.0)
      Serilog (>= 2.6)
    Serilog.Sinks.Console (3.1.1)
      Serilog (>= 2.5)
      System.Console (>= 4.3)
      System.Runtime.InteropServices (>= 4.3)
      System.Runtime.InteropServices.RuntimeInformation (>= 4.3)
    Serilog.Sinks.Email (2.4)
      MailKit (>= 2.6)
      NETStandard.Library (>= 2.0.3)
      Serilog (>= 2.9)
      Serilog.Sinks.PeriodicBatching (>= 2.3)
      System.Linq (>= 4.3)
      System.Threading (>= 4.3)
    Serilog.Sinks.File (4.1)
      Serilog (>= 2.5)
      System.IO.FileSystem (>= 4.0.1)
      System.Text.Encoding.Extensions (>= 4.0.11)
      System.Threading.Timer (>= 4.0.1)
    Serilog.Sinks.PeriodicBatching (2.3)
      Serilog (>= 2.0)
      System.Collections.Concurrent (>= 4.0.12)
      System.Threading.Timer (>= 4.0.1)
    SourceLink.Copy.PdbFiles (2.8.3) - copy_local: true
    SourceLink.Embed.AllSourceFiles (2.8.3) - copy_local: true
    SqlStreamStore (1.2)
      Microsoft.CSharp (>= 4.7)
    SqlStreamStore.MsSql (1.2)
      Microsoft.Data.SqlClient (>= 1.1)
      SqlStreamStore (>= 1.2)
    StackExchange.Redis (2.1.58)
      Microsoft.Bcl.AsyncInterfaces (>= 1.1.1)
      Pipelines.Sockets.Unofficial (>= 2.1.16)
      System.Diagnostics.PerformanceCounter (>= 4.7)
      System.Threading.Channels (>= 4.7.1)
    Swashbuckle.AspNetCore (5.6.3)
      Microsoft.Extensions.ApiDescription.Server (>= 3.0)
      Swashbuckle.AspNetCore.Swagger (>= 5.6.3)
      Swashbuckle.AspNetCore.SwaggerGen (>= 5.6.3)
      Swashbuckle.AspNetCore.SwaggerUI (>= 5.6.3)
    Swashbuckle.AspNetCore.Annotations (5.6.3)
      Swashbuckle.AspNetCore.SwaggerGen (>= 5.6.3)
    Swashbuckle.AspNetCore.Filters (6.0.1)
      Microsoft.Extensions.DependencyInjection (>= 2.1)
      Microsoft.OpenApi (>= 1.2.2)
      Newtonsoft.Json (>= 12.0.3)
      Scrutor (>= 3.0.1)
      Swashbuckle.AspNetCore (>= 5.0)
      Swashbuckle.AspNetCore.Annotations (>= 5.0)
    Swashbuckle.AspNetCore.Newtonsoft (5.6.3)
      Microsoft.AspNetCore.Mvc.NewtonsoftJson (>= 3.0)
      Swashbuckle.AspNetCore.SwaggerGen (>= 5.6.3)
    Swashbuckle.AspNetCore.Swagger (5.6.3)
      Microsoft.OpenApi (>= 1.2.3)
    Swashbuckle.AspNetCore.SwaggerGen (5.6.3)
      Swashbuckle.AspNetCore.Swagger (>= 5.6.3)
    Swashbuckle.AspNetCore.SwaggerUI (5.6.3)
    System.Buffers (4.5.1)
    System.CodeDom (5.0)
    System.Collections (4.3)
      Microsoft.NETCore.Platforms (>= 1.1)
      Microsoft.NETCore.Targets (>= 1.1)
      System.Runtime (>= 4.3)
    System.Collections.Concurrent (4.3)
      System.Collections (>= 4.3)
      System.Diagnostics.Debug (>= 4.3)
      System.Diagnostics.Tracing (>= 4.3)
      System.Globalization (>= 4.3)
      System.Reflection (>= 4.3)
      System.Resources.ResourceManager (>= 4.3)
      System.Runtime (>= 4.3)
      System.Runtime.Extensions (>= 4.3)
      System.Threading (>= 4.3)
      System.Threading.Tasks (>= 4.3)
    System.Collections.Immutable (5.0)
    System.ComponentModel.Annotations (5.0)
    System.Configuration.ConfigurationManager (5.0)
      System.Security.Cryptography.ProtectedData (>= 5.0)
      System.Security.Permissions (>= 5.0)
    System.Console (4.3.1)
      Microsoft.NETCore.Platforms (>= 1.1)
      Microsoft.NETCore.Targets (>= 1.1.2)
      System.IO (>= 4.3)
      System.Runtime (>= 4.3)
      System.Text.Encoding (>= 4.3)
    System.Data.Common (4.3)
      System.Collections (>= 4.3)
      System.Globalization (>= 4.3)
      System.IO (>= 4.3)
      System.Resources.ResourceManager (>= 4.3)
      System.Runtime (>= 4.3)
      System.Runtime.Extensions (>= 4.3)
      System.Text.RegularExpressions (>= 4.3)
      System.Threading.Tasks (>= 4.3)
    System.Diagnostics.Debug (4.3)
      Microsoft.NETCore.Platforms (>= 1.1)
      Microsoft.NETCore.Targets (>= 1.1)
      System.Runtime (>= 4.3)
    System.Diagnostics.DiagnosticSource (5.0)
    System.Diagnostics.PerformanceCounter (5.0)
      Microsoft.NETCore.Platforms (>= 5.0)
      Microsoft.Win32.Registry (>= 5.0)
      System.Configuration.ConfigurationManager (>= 5.0)
      System.Security.Principal.Windows (>= 5.0)
    System.Diagnostics.Tracing (4.3)
      Microsoft.NETCore.Platforms (>= 1.1)
      Microsoft.NETCore.Targets (>= 1.1)
      System.Runtime (>= 4.3)
    System.Drawing.Common (5.0)
      Microsoft.Win32.SystemEvents (>= 5.0)
    System.Dynamic.Runtime (4.3)
      System.Collections (>= 4.3)
      System.Diagnostics.Debug (>= 4.3)
      System.Linq (>= 4.3)
      System.Linq.Expressions (>= 4.3)
      System.ObjectModel (>= 4.3)
      System.Reflection (>= 4.3)
      System.Reflection.Emit (>= 4.3)
      System.Reflection.Emit.ILGeneration (>= 4.3)
      System.Reflection.Primitives (>= 4.3)
      System.Reflection.TypeExtensions (>= 4.3)
      System.Resources.ResourceManager (>= 4.3)
      System.Runtime (>= 4.3)
      System.Runtime.Extensions (>= 4.3)
      System.Threading (>= 4.3)
    System.Formats.Asn1 (5.0)
    System.Globalization (4.3)
      Microsoft.NETCore.Platforms (>= 1.1)
      Microsoft.NETCore.Targets (>= 1.1)
      System.Runtime (>= 4.3)
    System.IdentityModel.Tokens.Jwt (6.8)
      Microsoft.IdentityModel.JsonWebTokens (>= 6.8)
      Microsoft.IdentityModel.Tokens (>= 6.8)
    System.IO (4.3)
      Microsoft.NETCore.Platforms (>= 1.1)
      Microsoft.NETCore.Targets (>= 1.1)
      System.Runtime (>= 4.3)
      System.Text.Encoding (>= 4.3)
      System.Threading.Tasks (>= 4.3)
    System.IO.FileSystem (4.3)
      Microsoft.NETCore.Platforms (>= 1.1)
      Microsoft.NETCore.Targets (>= 1.1)
      System.IO (>= 4.3)
      System.IO.FileSystem.Primitives (>= 4.3)
      System.Runtime (>= 4.3)
      System.Runtime.Handles (>= 4.3)
      System.Text.Encoding (>= 4.3)
      System.Threading.Tasks (>= 4.3)
    System.IO.FileSystem.Primitives (4.3)
      System.Runtime (>= 4.3)
    System.IO.Pipelines (5.0.1)
    System.Linq (4.3)
      System.Collections (>= 4.3)
      System.Diagnostics.Debug (>= 4.3)
      System.Resources.ResourceManager (>= 4.3)
      System.Runtime (>= 4.3)
      System.Runtime.Extensions (>= 4.3)
    System.Linq.Expressions (4.3)
      System.Collections (>= 4.3)
      System.Diagnostics.Debug (>= 4.3)
      System.Globalization (>= 4.3)
      System.IO (>= 4.3)
      System.Linq (>= 4.3)
      System.ObjectModel (>= 4.3)
      System.Reflection (>= 4.3)
      System.Reflection.Emit (>= 4.3)
      System.Reflection.Emit.ILGeneration (>= 4.3)
      System.Reflection.Emit.Lightweight (>= 4.3)
      System.Reflection.Extensions (>= 4.3)
      System.Reflection.Primitives (>= 4.3)
      System.Reflection.TypeExtensions (>= 4.3)
      System.Resources.ResourceManager (>= 4.3)
      System.Runtime (>= 4.3)
      System.Runtime.Extensions (>= 4.3)
      System.Threading (>= 4.3)
    System.Memory (4.5.4)
    System.ObjectModel (4.3)
      System.Collections (>= 4.3)
      System.Diagnostics.Debug (>= 4.3)
      System.Resources.ResourceManager (>= 4.3)
      System.Runtime (>= 4.3)
      System.Threading (>= 4.3)
    System.Reactive (5.0)
    System.Reflection (4.3)
      Microsoft.NETCore.Platforms (>= 1.1)
      Microsoft.NETCore.Targets (>= 1.1)
      System.IO (>= 4.3)
      System.Reflection.Primitives (>= 4.3)
      System.Runtime (>= 4.3)
    System.Reflection.Emit (4.7)
    System.Reflection.Emit.ILGeneration (4.7)
    System.Reflection.Emit.Lightweight (4.7)
    System.Reflection.Extensions (4.3)
      Microsoft.NETCore.Platforms (>= 1.1)
      Microsoft.NETCore.Targets (>= 1.1)
      System.Reflection (>= 4.3)
      System.Runtime (>= 4.3)
    System.Reflection.Metadata (5.0)
      System.Collections.Immutable (>= 5.0)
    System.Reflection.Primitives (4.3)
      Microsoft.NETCore.Platforms (>= 1.1)
      Microsoft.NETCore.Targets (>= 1.1)
      System.Runtime (>= 4.3)
    System.Reflection.TypeExtensions (4.7)
    System.Resources.Extensions (5.0)
    System.Resources.ResourceManager (4.3)
      Microsoft.NETCore.Platforms (>= 1.1)
      Microsoft.NETCore.Targets (>= 1.1)
      System.Globalization (>= 4.3)
      System.Reflection (>= 4.3)
      System.Runtime (>= 4.3)
    System.Runtime (4.3.1)
      Microsoft.NETCore.Platforms (>= 1.1.1)
      Microsoft.NETCore.Targets (>= 1.1.3)
    System.Runtime.Caching (5.0)
      System.Configuration.ConfigurationManager (>= 5.0)
    System.Runtime.CompilerServices.Unsafe (5.0)
    System.Runtime.Extensions (4.3.1)
      Microsoft.NETCore.Platforms (>= 1.1.1)
      Microsoft.NETCore.Targets (>= 1.1.3)
      System.Runtime (>= 4.3.1)
    System.Runtime.Handles (4.3)
      Microsoft.NETCore.Platforms (>= 1.1)
      Microsoft.NETCore.Targets (>= 1.1)
      System.Runtime (>= 4.3)
    System.Runtime.InteropServices (4.3)
      Microsoft.NETCore.Platforms (>= 1.1)
      Microsoft.NETCore.Targets (>= 1.1)
      System.Reflection (>= 4.3)
      System.Reflection.Primitives (>= 4.3)
      System.Runtime (>= 4.3)
      System.Runtime.Handles (>= 4.3)
    System.Runtime.InteropServices.RuntimeInformation (4.3)
      runtime.native.System (>= 4.3)
      System.Reflection (>= 4.3)
      System.Reflection.Extensions (>= 4.3)
      System.Resources.ResourceManager (>= 4.3)
      System.Runtime (>= 4.3)
      System.Runtime.InteropServices (>= 4.3)
      System.Threading (>= 4.3)
    System.Security.AccessControl (5.0)
      Microsoft.NETCore.Platforms (>= 5.0)
      System.Security.Principal.Windows (>= 5.0)
    System.Security.Cryptography.Cng (5.0)
      System.Formats.Asn1 (>= 5.0)
    System.Security.Cryptography.Pkcs (5.0.1)
      System.Formats.Asn1 (>= 5.0)
      System.Security.Cryptography.Cng (>= 5.0)
    System.Security.Cryptography.ProtectedData (5.0)
    System.Security.Cryptography.Xml (5.0)
      System.Security.Cryptography.Pkcs (>= 5.0)
      System.Security.Permissions (>= 5.0)
    System.Security.Permissions (5.0)
      System.Security.AccessControl (>= 5.0)
      System.Windows.Extensions (>= 5.0)
    System.Security.Principal.Windows (5.0)
    System.Text.Encoding (4.3)
      Microsoft.NETCore.Platforms (>= 1.1)
      Microsoft.NETCore.Targets (>= 1.1)
      System.Runtime (>= 4.3)
    System.Text.Encoding.CodePages (5.0)
      Microsoft.NETCore.Platforms (>= 5.0)
      System.Runtime.CompilerServices.Unsafe (>= 5.0)
    System.Text.Encoding.Extensions (4.3)
      Microsoft.NETCore.Platforms (>= 1.1)
      Microsoft.NETCore.Targets (>= 1.1)
      System.Runtime (>= 4.3)
      System.Text.Encoding (>= 4.3)
    System.Text.Encodings.Web (5.0)
    System.Text.Json (5.0)
    System.Text.RegularExpressions (4.3.1)
      System.Runtime (>= 4.3.1)
    System.Threading (4.3)
      System.Runtime (>= 4.3)
      System.Threading.Tasks (>= 4.3)
    System.Threading.Channels (5.0)
    System.Threading.Tasks (4.3)
      Microsoft.NETCore.Platforms (>= 1.1)
      Microsoft.NETCore.Targets (>= 1.1)
      System.Runtime (>= 4.3)
    System.Threading.Tasks.Dataflow (5.0)
    System.Threading.Tasks.Extensions (4.5.4)
    System.Threading.Timer (4.3)
      Microsoft.NETCore.Platforms (>= 1.1)
      Microsoft.NETCore.Targets (>= 1.1)
      System.Runtime (>= 4.3)
    System.Windows.Extensions (5.0)
      System.Drawing.Common (>= 5.0)
    System.Xml.ReaderWriter (4.3.1)
      System.Collections (>= 4.3)
      System.Diagnostics.Debug (>= 4.3)
      System.Globalization (>= 4.3)
      System.IO (>= 4.3)
      System.IO.FileSystem (>= 4.3)
      System.IO.FileSystem.Primitives (>= 4.3)
      System.Resources.ResourceManager (>= 4.3)
      System.Runtime (>= 4.3)
      System.Runtime.Extensions (>= 4.3)
      System.Runtime.InteropServices (>= 4.3)
      System.Text.Encoding (>= 4.3)
      System.Text.Encoding.Extensions (>= 4.3)
      System.Text.RegularExpressions (>= 4.3)
      System.Threading.Tasks (>= 4.3)
      System.Threading.Tasks.Extensions (>= 4.3)
    xunit (2.4.1)
      xunit.analyzers (>= 0.10)
      xunit.assert (2.4.1)
      xunit.core (2.4.1)
    xunit.abstractions (2.0.3)
    xunit.analyzers (0.10)
    xunit.assert (2.4.1)
      NETStandard.Library (>= 1.6.1)
    xunit.categories (2.0.4)
      xunit (>= 2.3.1)
    xunit.core (2.4.1)
      xunit.extensibility.core (2.4.1)
      xunit.extensibility.execution (2.4.1)
    xunit.extensibility.core (2.4.1)
      NETStandard.Library (>= 1.6.1)
      xunit.abstractions (>= 2.0.3)
    xunit.extensibility.execution (2.4.1)
      NETStandard.Library (>= 1.6.1)
      xunit.extensibility.core (2.4.1)
    xunit.runner.visualstudio (2.4.3)
